{
        "Modality": "MR",
        "MagneticFieldStrength": 3,
        "ImagingFrequency": 123.242395,
        "Manufacturer": "Siemens",
        "ManufacturersModelName": "Prisma",
        "InstitutionName": "Tokyo University IRCN",
        "InstitutionalDepartmentName": "Reserch center",
        "InstitutionAddress": "Hongo 7-3-1,Bunkyo-ku,Tokyo,JP,113-0033",
        "DeviceSerialNumber": "166112",
        "StationName": "AWP166112",
        "BodyPartExamined": "BRAIN",
        "PatientPosition": "HFS",
        "ProcedureStepDescription": "Mingbo^Head",
        "SoftwareVersions": "syngo MR E11",
        "MRAcquisitionType": "2D",
        "SeriesDescription": "multi_echo_2p8_1500_MB5_TE13p8",
        "ProtocolName": "multi_echo_2p8_1500_MB5_TE13p8",
        "ScanningSequence": "EP",
        "SequenceVariant": "SK\\SS\\OSP",
        "ScanOptions": "PFP\\FS\\EXT",
        "SequenceName": "epfid2d5_70",
        "ImageType": [
                "ORIGINAL",
                "PRIMARY",
                "M",
                "MB",
                "TE1",
                "ND",
                "MOSAIC"
        ],
        "NonlinearGradientCorrection": false,
        "SeriesNumber": 21,
        "AcquisitionTime": "18:13:14.935000",
        "AcquisitionNumber": 1,
        "ImageComments": "Unaliased MB5/PE3",
        "SliceThickness": 2.8,
        "SpacingBetweenSlices": 2.8,
        "SAR": 0.0624728,
        "EchoNumber": 1,
        "EchoTime": 0.014,
        "RepetitionTime": 1.5,
        "FlipAngle": 66,
        "PartialFourier": 0.75,
        "BaseResolution": 70,
        "ShimSetting": [
                6513,
                -2358,
                1576,
                347,
                119,
                4,
                49,
                44
        ],
        "TxRefAmp": 236.383,
        "PhaseResolution": 1,
        "PhaseOversampling": 0.03,
        "ReceiveCoilName": "Spine_32",
        "ReceiveCoilActiveElements": "HEA;HEP;SP1",
        "PulseSequenceDetails": "%CustomerSeq%\\cmrr_mbep2d_bold",
        "WipMemBlock": "c9ccbe6f-298e-4512-ad80-6015ed84b469||Sequence: R016 ve11c/master r/e634e98; Dec 19 2017 11:00:25 by eja",
        "CoilCombinationMethod": "Sum of Squares",
        "ConsistencyInfo": "N4_VE11C_LATEST_20160120",
        "MatrixCoilMode": "SENSE",
        "MultibandAccelerationFactor": 5,
        "PercentPhaseFOV": 100,
        "PercentSampling": 100,
        "EchoTrainLength": 55,
        "PhaseEncodingSteps": 55,
        "AcquisitionMatrixPE": 70,
        "ReconMatrixPE": 70,
        "BandwidthPerPixelPhaseEncode": 27.956,
        "EffectiveEchoSpacing": 0.000511007,
        "DerivedVendorReportedEchoSpacing": 0.000496123,
        "TotalReadoutTime": 0.0352595,
        "PixelBandwidth": 2855,
        "DwellTime": 2.5e-06,
        "PhaseEncodingDirection": "j-",
        "SliceTiming": [
                0,
                0.8225,
                0.165,
                0.9875,
                0.33,
                1.1525,
                0.495,
                1.3175,
                0.66,
                0,
                0.8225,
                0.165,
                0.9875,
                0.33,
                1.1525,
                0.495,
                1.3175,
                0.66,
                0,
                0.8225,
                0.165,
                0.9875,
                0.33,
                1.1525,
                0.495,
                1.3175,
                0.66,
                0,
                0.8225,
                0.165,
                0.9875,
                0.33,
                1.1525,
                0.495,
                1.3175,
                0.66,
                0,
                0.8225,
                0.165,
                0.9875,
                0.33,
                1.1525,
                0.495,
                1.3175,
                0.66
        ],
        "ImageOrientationPatientDICOM": [
                0.999991,
                -0.00116811,
                0.00419321,
                0.00174525,
                0.990094,
                -0.140394
        ],
        "ImageOrientationText": "Tra>Cor(-8.1)>Sag(0.2)",
        "InPlanePhaseEncodingDirectionDICOM": "COL",
        "BidsGuess": [
                "func",
                "_acq-epfid2m5_dir-AP_run-21_echo-1_bold"
        ],
        "ConversionSoftware": "dcm2niix",
        "ConversionSoftwareVersion": "v1.0.20240202",
        "TaskName": "run-04",
        "TaskDescription": "In the experiments, subjects watch a movie which may containviews in a city or in the countryside as if they are sitting in a car.They are asked to make simple judgments based on pictures that theysee using a button.",
        "CogAtlasID": "http://www.cognitiveatlas.org/task/id/trm_4f241173868a3/"
}