{
        "Modality": "MR",
        "MagneticFieldStrength": 3,
        "ImagingFrequency": 123.241639,
        "Manufacturer": "Siemens",
        "ManufacturersModelName": "Prisma",
        "InstitutionName": "Tokyo University IRCN",
        "InstitutionalDepartmentName": "Reserch center",
        "InstitutionAddress": "Hongo 7-3-1,Bunkyo-ku,Tokyo,JP,113-0033",
        "DeviceSerialNumber": "166112",
        "StationName": "AWP166112",
        "BodyPartExamined": "BRAIN",
        "PatientPosition": "HFS",
        "ProcedureStepDescription": "Mingbo^Head",
        "SoftwareVersions": "syngo MR E11",
        "MRAcquisitionType": "2D",
        "SeriesDescription": "multi_echo_2p8_1500_MB5_TE13p8",
        "ProtocolName": "multi_echo_2p8_1500_MB5_TE13p8",
        "ScanningSequence": "EP",
        "SequenceVariant": "SK\\SS\\OSP",
        "ScanOptions": "PFP\\FS\\EXT",
        "SequenceName": "epfid2d5_70",
        "ImageType": [
                "ORIGINAL",
                "PRIMARY",
                "M",
                "MB",
                "TE4",
                "ND",
                "MOSAIC"
        ],
        "NonlinearGradientCorrection": false,
        "SeriesNumber": 16,
        "AcquisitionTime": "13:27:24.765000",
        "AcquisitionNumber": 1,
        "ImageComments": "Unaliased MB5/PE3 SENSE1+",
        "SliceThickness": 2.8,
        "SpacingBetweenSlices": 2.8,
        "SAR": 0.047301,
        "EchoNumber": 4,
        "EchoTime": 0.09653,
        "RepetitionTime": 1.5,
        "FlipAngle": 66,
        "PartialFourier": 0.75,
        "BaseResolution": 70,
        "ShimSetting": [
                6542,
                -2337,
                1586,
                473,
                157,
                108,
                -43,
                24
        ],
        "TxRefAmp": 213.882,
        "PhaseResolution": 1,
        "PhaseOversampling": 0.03,
        "ReceiveCoilName": "Spine_32",
        "ReceiveCoilActiveElements": "HEA;HEP;SP1",
        "PulseSequenceDetails": "%CustomerSeq%\\cmrr_mbep2d_bold",
        "WipMemBlock": "26d6d630-fcb0-461e-96e7-9a86da60bc49||Sequence: R016 ve11c/master r/e634e98; Dec 19 2017 11:00:25 by eja",
        "CoilCombinationMethod": "Sum of Squares",
        "ConsistencyInfo": "N4_VE11C_LATEST_20160120",
        "MatrixCoilMode": "SENSE",
        "MultibandAccelerationFactor": 5,
        "PercentPhaseFOV": 100,
        "PercentSampling": 100,
        "EchoTrainLength": 55,
        "PhaseEncodingSteps": 55,
        "AcquisitionMatrixPE": 70,
        "ReconMatrixPE": 70,
        "BandwidthPerPixelPhaseEncode": 27.956,
        "EffectiveEchoSpacing": 0.000511007,
        "DerivedVendorReportedEchoSpacing": 0.000496123,
        "TotalReadoutTime": 0.0352595,
        "PixelBandwidth": 2855,
        "DwellTime": 2.5e-06,
        "PhaseEncodingDirection": "j-",
        "SliceTiming": [
                0,
                0.82,
                0.1625,
                0.985,
                0.3275,
                1.15,
                0.4925,
                1.315,
                0.6575,
                0,
                0.82,
                0.1625,
                0.985,
                0.3275,
                1.15,
                0.4925,
                1.315,
                0.6575,
                0,
                0.82,
                0.1625,
                0.985,
                0.3275,
                1.15,
                0.4925,
                1.315,
                0.6575,
                0,
                0.82,
                0.1625,
                0.985,
                0.3275,
                1.15,
                0.4925,
                1.315,
                0.6575,
                0,
                0.82,
                0.1625,
                0.985,
                0.3275,
                1.15,
                0.4925,
                1.315,
                0.6575
        ],
        "ImageOrientationPatientDICOM": [
                0.99997,
                -0.00571363,
                -0.0052559,
                0.00174529,
                0.825131,
                -0.564939
        ],
        "ImageOrientationText": "Tra>Cor(-34.4)>Sag(-0.4)",
        "InPlanePhaseEncodingDirectionDICOM": "COL",
        "BidsGuess": [
                "func",
                "_acq-epfid2m5_dir-AP_run-16_echo-4_bold"
        ],
        "ConversionSoftware": "dcm2niix",
        "ConversionSoftwareVersion": "v1.0.20240202",
        "TaskName": "run-03",
        "TaskDescription": "In the experiments, subjects watch a movie which may containviews in a city or in the countryside as if they are sitting in a car.They are asked to make simple judgments based on pictures that theysee using a button.",
        "CogAtlasID": "http://www.cognitiveatlas.org/task/id/trm_4f241173868a3/"
}