{
        "Modality": "MR",
        "MagneticFieldStrength": 3,
        "ImagingFrequency": 123.241687,
        "Manufacturer": "Siemens",
        "ManufacturersModelName": "Prisma",
        "InstitutionName": "Tokyo University IRCN",
        "InstitutionalDepartmentName": "Reserch center",
        "InstitutionAddress": "Hongo 7-3-1,Bunkyo-ku,Tokyo,JP,113-0033",
        "DeviceSerialNumber": "166112",
        "StationName": "AWP166112",
        "BodyPartExamined": "BRAIN",
        "PatientPosition": "HFS",
        "ProcedureStepDescription": "Mingbo^Head",
        "SoftwareVersions": "syngo MR E11",
        "MRAcquisitionType": "2D",
        "SeriesDescription": "SpinEchoFieldMap_PA",
        "ProtocolName": "SpinEchoFieldMap_PA",
        "ScanningSequence": "EP",
        "SequenceVariant": "SK\\OSP",
        "ScanOptions": "PFP\\FS",
        "SequenceName": "epse2d1_70",
        "ImageType": [
                "ORIGINAL",
                "PRIMARY",
                "M",
                "ND",
                "MOSAIC"
        ],
        "NonlinearGradientCorrection": false,
        "SeriesNumber": 28,
        "AcquisitionTime": "18:54:9.610000",
        "AcquisitionNumber": 1,
        "ImageComments": "SENSE1",
        "SliceThickness": 2.8,
        "SpacingBetweenSlices": 2.8,
        "SAR": 0.110032,
        "EchoTime": 0.066,
        "RepetitionTime": 8,
        "FlipAngle": 90,
        "PartialFourier": 0.75,
        "BaseResolution": 70,
        "ShimSetting": [
                6505,
                -2345,
                1574,
                453,
                37,
                45,
                78,
                18
        ],
        "TxRefAmp": 233.292,
        "PhaseResolution": 1,
        "PhaseOversampling": 0.03,
        "ReceiveCoilName": "Spine_32",
        "ReceiveCoilActiveElements": "HEA;HEP;SP1",
        "PulseSequenceDetails": "%CustomerSeq%\\cmrr_mbep2d_se",
        "WipMemBlock": "5b4fdeae-2ca6-4549-9710-7d99c677b4a2||Sequence: R016 ve11c/master r/e634e98; Dec 19 2017 11:22:56 by eja",
        "CoilCombinationMethod": "Sum of Squares",
        "ConsistencyInfo": "N4_VE11C_LATEST_20160120",
        "MatrixCoilMode": "SENSE",
        "PercentPhaseFOV": 100,
        "PercentSampling": 100,
        "EchoTrainLength": 55,
        "PhaseEncodingSteps": 55,
        "AcquisitionMatrixPE": 70,
        "ReconMatrixPE": 70,
        "BandwidthPerPixelPhaseEncode": 27.956,
        "EffectiveEchoSpacing": 0.000511007,
        "DerivedVendorReportedEchoSpacing": 0.000496123,
        "TotalReadoutTime": 0.0352595,
        "PixelBandwidth": 2855,
        "DwellTime": 2.5e-06,
        "PhaseEncodingDirection": "j",
        "SliceTiming": [
                0,
                4.0775,
                0.175,
                4.255,
                0.3525,
                4.4325,
                0.53,
                4.61,
                0.7075,
                4.7875,
                0.885,
                4.965,
                1.0625,
                5.1425,
                1.24,
                5.3175,
                1.4175,
                5.495,
                1.595,
                5.6725,
                1.7725,
                5.85,
                1.95,
                6.0275,
                2.1275,
                6.205,
                2.305,
                6.3825,
                2.4825,
                6.56,
                2.6575,
                6.7375,
                2.835,
                6.915,
                3.0125,
                7.0925,
                3.19,
                7.27,
                3.3675,
                7.4475,
                3.545,
                7.625,
                3.7225,
                7.8025,
                3.9
        ],
        "ImageOrientationPatientDICOM": [
                0.999998,
                -0.00147532,
                0.000932638,
                0.00174539,
                0.845261,
                -0.534352
        ],
        "ImageOrientationText": "Tra>Cor(-32.3)",
        "InPlanePhaseEncodingDirectionDICOM": "COL",
        "BidsGuess": [
                "fmap",
                "_acq-epse2_dir-PA_run-28_epi"
        ],
        "ConversionSoftware": "dcm2niix",
        "ConversionSoftwareVersion": "v1.0.20240202",
        "IntendedFor": [
                "func/sub-13_task-geo_run-00_echo-1_part-mag_sbref.nii.gz",
                "func/sub-13_task-geo_run-00_echo-1_part-mag_bold.nii.gz",
                "func/sub-13_task-geo_run-00_echo-1_part-phase_bold.nii.gz",
                "func/sub-13_task-geo_run-01_echo-1_part-mag_sbref.nii.gz",
                "func/sub-13_task-geo_run-01_echo-1_part-mag_bold.nii.gz",
                "func/sub-13_task-geo_run-01_echo-1_part-phase_bold.nii.gz",
                "func/sub-13_task-geo_run-02_echo-1_part-mag_sbref.nii.gz",
                "func/sub-13_task-geo_run-02_echo-1_part-mag_bold.nii.gz",
                "func/sub-13_task-geo_run-02_echo-1_part-phase_bold.nii.gz",
                "func/sub-13_task-geo_run-03_echo-1_part-mag_sbref.nii.gz",
                "func/sub-13_task-geo_run-03_echo-1_part-mag_bold.nii.gz",
                "func/sub-13_task-geo_run-03_echo-1_part-phase_bold.nii.gz",
                "func/sub-13_task-geo_run-04_echo-1_part-mag_sbref.nii.gz",
                "func/sub-13_task-geo_run-04_echo-1_part-mag_bold.nii.gz",
                "func/sub-13_task-geo_run-04_echo-1_part-phase_bold.nii.gz",
                "func/sub-13_task-geo_run-05_echo-1_part-mag_sbref.nii.gz",
                "func/sub-13_task-geo_run-05_echo-1_part-mag_bold.nii.gz",
                "func/sub-13_task-geo_run-05_echo-1_part-phase_bold.nii.gz",
                "func/sub-13_task-geo_run-06_echo-1_part-mag_sbref.nii.gz",
                "func/sub-13_task-geo_run-06_echo-1_part-mag_bold.nii.gz",
                "func/sub-13_task-geo_run-06_echo-1_part-phase_bold.nii.gz",
                "func/sub-13_task-geo_run-07_echo-1_part-mag_sbref.nii.gz",
                "func/sub-13_task-geo_run-07_echo-1_part-mag_bold.nii.gz",
                "func/sub-13_task-geo_run-07_echo-1_part-phase_bold.nii.gz",
                "func/sub-13_task-geo_run-08_echo-1_part-mag_sbref.nii.gz",
                "func/sub-13_task-geo_run-08_echo-1_part-mag_bold.nii.gz",
                "func/sub-13_task-geo_run-08_echo-1_part-phase_bold.nii.gz",
                "func/sub-13_task-geo_run-09_echo-1_part-mag_sbref.nii.gz",
                "func/sub-13_task-geo_run-09_echo-1_part-mag_bold.nii.gz",
                "func/sub-13_task-geo_run-09_echo-1_part-phase_bold.nii.gz",
                "func/sub-13_task-geo_run-10_echo-1_part-mag_sbref.nii.gz",
                "func/sub-13_task-geo_run-10_echo-1_part-mag_bold.nii.gz",
                "func/sub-13_task-geo_run-10_echo-1_part-phase_bold.nii.gz",
                "func/sub-13_task-geo_run-11_echo-1_part-mag_sbref.nii.gz",
                "func/sub-13_task-geo_run-11_echo-1_part-mag_bold.nii.gz",
                "func/sub-13_task-geo_run-11_echo-1_part-phase_bold.nii.gz",
                "func/sub-13_task-geo_run-12_echo-1_part-mag_sbref.nii.gz",
                "func/sub-13_task-geo_run-12_echo-1_part-mag_bold.nii.gz",
                "func/sub-13_task-geo_run-12_echo-1_part-phase_bold.nii.gz",
                "func/sub-13_task-geo_run-13_echo-1_part-mag_sbref.nii.gz",
                "func/sub-13_task-geo_run-13_echo-1_part-mag_bold.nii.gz",
                "func/sub-13_task-geo_run-13_echo-1_part-phase_bold.nii.gz",
                "func/sub-13_task-geo_run-00_echo-2_part-mag_sbref.nii.gz",
                "func/sub-13_task-geo_run-00_echo-2_part-mag_bold.nii.gz",
                "func/sub-13_task-geo_run-00_echo-2_part-phase_bold.nii.gz",
                "func/sub-13_task-geo_run-01_echo-2_part-mag_sbref.nii.gz",
                "func/sub-13_task-geo_run-01_echo-2_part-mag_bold.nii.gz",
                "func/sub-13_task-geo_run-01_echo-2_part-phase_bold.nii.gz",
                "func/sub-13_task-geo_run-02_echo-2_part-mag_sbref.nii.gz",
                "func/sub-13_task-geo_run-02_echo-2_part-mag_bold.nii.gz",
                "func/sub-13_task-geo_run-02_echo-2_part-phase_bold.nii.gz",
                "func/sub-13_task-geo_run-03_echo-2_part-mag_sbref.nii.gz",
                "func/sub-13_task-geo_run-03_echo-2_part-mag_bold.nii.gz",
                "func/sub-13_task-geo_run-03_echo-2_part-phase_bold.nii.gz",
                "func/sub-13_task-geo_run-04_echo-2_part-mag_sbref.nii.gz",
                "func/sub-13_task-geo_run-04_echo-2_part-mag_bold.nii.gz",
                "func/sub-13_task-geo_run-04_echo-2_part-phase_bold.nii.gz",
                "func/sub-13_task-geo_run-05_echo-2_part-mag_sbref.nii.gz",
                "func/sub-13_task-geo_run-05_echo-2_part-mag_bold.nii.gz",
                "func/sub-13_task-geo_run-05_echo-2_part-phase_bold.nii.gz",
                "func/sub-13_task-geo_run-06_echo-2_part-mag_sbref.nii.gz",
                "func/sub-13_task-geo_run-06_echo-2_part-mag_bold.nii.gz",
                "func/sub-13_task-geo_run-06_echo-2_part-phase_bold.nii.gz",
                "func/sub-13_task-geo_run-07_echo-2_part-mag_sbref.nii.gz",
                "func/sub-13_task-geo_run-07_echo-2_part-mag_bold.nii.gz",
                "func/sub-13_task-geo_run-07_echo-2_part-phase_bold.nii.gz",
                "func/sub-13_task-geo_run-08_echo-2_part-mag_sbref.nii.gz",
                "func/sub-13_task-geo_run-08_echo-2_part-mag_bold.nii.gz",
                "func/sub-13_task-geo_run-08_echo-2_part-phase_bold.nii.gz",
                "func/sub-13_task-geo_run-09_echo-2_part-mag_sbref.nii.gz",
                "func/sub-13_task-geo_run-09_echo-2_part-mag_bold.nii.gz",
                "func/sub-13_task-geo_run-09_echo-2_part-phase_bold.nii.gz",
                "func/sub-13_task-geo_run-10_echo-2_part-mag_sbref.nii.gz",
                "func/sub-13_task-geo_run-10_echo-2_part-mag_bold.nii.gz",
                "func/sub-13_task-geo_run-10_echo-2_part-phase_bold.nii.gz",
                "func/sub-13_task-geo_run-11_echo-2_part-mag_sbref.nii.gz",
                "func/sub-13_task-geo_run-11_echo-2_part-mag_bold.nii.gz",
                "func/sub-13_task-geo_run-11_echo-2_part-phase_bold.nii.gz",
                "func/sub-13_task-geo_run-12_echo-2_part-mag_sbref.nii.gz",
                "func/sub-13_task-geo_run-12_echo-2_part-mag_bold.nii.gz",
                "func/sub-13_task-geo_run-12_echo-2_part-phase_bold.nii.gz",
                "func/sub-13_task-geo_run-13_echo-2_part-mag_sbref.nii.gz",
                "func/sub-13_task-geo_run-13_echo-2_part-mag_bold.nii.gz",
                "func/sub-13_task-geo_run-13_echo-2_part-phase_bold.nii.gz",
                "func/sub-13_task-geo_run-00_echo-3_part-mag_sbref.nii.gz",
                "func/sub-13_task-geo_run-00_echo-3_part-mag_bold.nii.gz",
                "func/sub-13_task-geo_run-00_echo-3_part-phase_bold.nii.gz",
                "func/sub-13_task-geo_run-01_echo-3_part-mag_sbref.nii.gz",
                "func/sub-13_task-geo_run-01_echo-3_part-mag_bold.nii.gz",
                "func/sub-13_task-geo_run-01_echo-3_part-phase_bold.nii.gz",
                "func/sub-13_task-geo_run-02_echo-3_part-mag_sbref.nii.gz",
                "func/sub-13_task-geo_run-02_echo-3_part-mag_bold.nii.gz",
                "func/sub-13_task-geo_run-02_echo-3_part-phase_bold.nii.gz",
                "func/sub-13_task-geo_run-03_echo-3_part-mag_sbref.nii.gz",
                "func/sub-13_task-geo_run-03_echo-3_part-mag_bold.nii.gz",
                "func/sub-13_task-geo_run-03_echo-3_part-phase_bold.nii.gz",
                "func/sub-13_task-geo_run-04_echo-3_part-mag_sbref.nii.gz",
                "func/sub-13_task-geo_run-04_echo-3_part-mag_bold.nii.gz",
                "func/sub-13_task-geo_run-04_echo-3_part-phase_bold.nii.gz",
                "func/sub-13_task-geo_run-05_echo-3_part-mag_sbref.nii.gz",
                "func/sub-13_task-geo_run-05_echo-3_part-mag_bold.nii.gz",
                "func/sub-13_task-geo_run-05_echo-3_part-phase_bold.nii.gz",
                "func/sub-13_task-geo_run-06_echo-3_part-mag_sbref.nii.gz",
                "func/sub-13_task-geo_run-06_echo-3_part-mag_bold.nii.gz",
                "func/sub-13_task-geo_run-06_echo-3_part-phase_bold.nii.gz",
                "func/sub-13_task-geo_run-07_echo-3_part-mag_sbref.nii.gz",
                "func/sub-13_task-geo_run-07_echo-3_part-mag_bold.nii.gz",
                "func/sub-13_task-geo_run-07_echo-3_part-phase_bold.nii.gz",
                "func/sub-13_task-geo_run-08_echo-3_part-mag_sbref.nii.gz",
                "func/sub-13_task-geo_run-08_echo-3_part-mag_bold.nii.gz",
                "func/sub-13_task-geo_run-08_echo-3_part-phase_bold.nii.gz",
                "func/sub-13_task-geo_run-09_echo-3_part-mag_sbref.nii.gz",
                "func/sub-13_task-geo_run-09_echo-3_part-mag_bold.nii.gz",
                "func/sub-13_task-geo_run-09_echo-3_part-phase_bold.nii.gz",
                "func/sub-13_task-geo_run-10_echo-3_part-mag_sbref.nii.gz",
                "func/sub-13_task-geo_run-10_echo-3_part-mag_bold.nii.gz",
                "func/sub-13_task-geo_run-10_echo-3_part-phase_bold.nii.gz",
                "func/sub-13_task-geo_run-11_echo-3_part-mag_sbref.nii.gz",
                "func/sub-13_task-geo_run-11_echo-3_part-mag_bold.nii.gz",
                "func/sub-13_task-geo_run-11_echo-3_part-phase_bold.nii.gz",
                "func/sub-13_task-geo_run-12_echo-3_part-mag_sbref.nii.gz",
                "func/sub-13_task-geo_run-12_echo-3_part-mag_bold.nii.gz",
                "func/sub-13_task-geo_run-12_echo-3_part-phase_bold.nii.gz",
                "func/sub-13_task-geo_run-13_echo-3_part-mag_sbref.nii.gz",
                "func/sub-13_task-geo_run-13_echo-3_part-mag_bold.nii.gz",
                "func/sub-13_task-geo_run-13_echo-3_part-phase_bold.nii.gz",
                "func/sub-13_task-geo_run-00_echo-4_part-mag_sbref.nii.gz",
                "func/sub-13_task-geo_run-00_echo-4_part-mag_bold.nii.gz",
                "func/sub-13_task-geo_run-00_echo-4_part-phase_bold.nii.gz",
                "func/sub-13_task-geo_run-01_echo-4_part-mag_sbref.nii.gz",
                "func/sub-13_task-geo_run-01_echo-4_part-mag_bold.nii.gz",
                "func/sub-13_task-geo_run-01_echo-4_part-phase_bold.nii.gz",
                "func/sub-13_task-geo_run-02_echo-4_part-mag_sbref.nii.gz",
                "func/sub-13_task-geo_run-02_echo-4_part-mag_bold.nii.gz",
                "func/sub-13_task-geo_run-02_echo-4_part-phase_bold.nii.gz",
                "func/sub-13_task-geo_run-03_echo-4_part-mag_sbref.nii.gz",
                "func/sub-13_task-geo_run-03_echo-4_part-mag_bold.nii.gz",
                "func/sub-13_task-geo_run-03_echo-4_part-phase_bold.nii.gz",
                "func/sub-13_task-geo_run-04_echo-4_part-mag_sbref.nii.gz",
                "func/sub-13_task-geo_run-04_echo-4_part-mag_bold.nii.gz",
                "func/sub-13_task-geo_run-04_echo-4_part-phase_bold.nii.gz",
                "func/sub-13_task-geo_run-05_echo-4_part-mag_sbref.nii.gz",
                "func/sub-13_task-geo_run-05_echo-4_part-mag_bold.nii.gz",
                "func/sub-13_task-geo_run-05_echo-4_part-phase_bold.nii.gz",
                "func/sub-13_task-geo_run-06_echo-4_part-mag_sbref.nii.gz",
                "func/sub-13_task-geo_run-06_echo-4_part-mag_bold.nii.gz",
                "func/sub-13_task-geo_run-06_echo-4_part-phase_bold.nii.gz",
                "func/sub-13_task-geo_run-07_echo-4_part-mag_sbref.nii.gz",
                "func/sub-13_task-geo_run-07_echo-4_part-mag_bold.nii.gz",
                "func/sub-13_task-geo_run-07_echo-4_part-phase_bold.nii.gz",
                "func/sub-13_task-geo_run-08_echo-4_part-mag_sbref.nii.gz",
                "func/sub-13_task-geo_run-08_echo-4_part-mag_bold.nii.gz",
                "func/sub-13_task-geo_run-08_echo-4_part-phase_bold.nii.gz",
                "func/sub-13_task-geo_run-09_echo-4_part-mag_sbref.nii.gz",
                "func/sub-13_task-geo_run-09_echo-4_part-mag_bold.nii.gz",
                "func/sub-13_task-geo_run-09_echo-4_part-phase_bold.nii.gz",
                "func/sub-13_task-geo_run-10_echo-4_part-mag_sbref.nii.gz",
                "func/sub-13_task-geo_run-10_echo-4_part-mag_bold.nii.gz",
                "func/sub-13_task-geo_run-10_echo-4_part-phase_bold.nii.gz",
                "func/sub-13_task-geo_run-11_echo-4_part-mag_sbref.nii.gz",
                "func/sub-13_task-geo_run-11_echo-4_part-mag_bold.nii.gz",
                "func/sub-13_task-geo_run-11_echo-4_part-phase_bold.nii.gz",
                "func/sub-13_task-geo_run-12_echo-4_part-mag_sbref.nii.gz",
                "func/sub-13_task-geo_run-12_echo-4_part-mag_bold.nii.gz",
                "func/sub-13_task-geo_run-12_echo-4_part-phase_bold.nii.gz",
                "func/sub-13_task-geo_run-13_echo-4_part-mag_sbref.nii.gz",
                "func/sub-13_task-geo_run-13_echo-4_part-mag_bold.nii.gz",
                "func/sub-13_task-geo_run-13_echo-4_part-phase_bold.nii.gz",
                "func/sub-13_task-geo_run-00_echo-5_part-mag_sbref.nii.gz",
                "func/sub-13_task-geo_run-00_echo-5_part-mag_bold.nii.gz",
                "func/sub-13_task-geo_run-00_echo-5_part-phase_bold.nii.gz",
                "func/sub-13_task-geo_run-01_echo-5_part-mag_sbref.nii.gz",
                "func/sub-13_task-geo_run-01_echo-5_part-mag_bold.nii.gz",
                "func/sub-13_task-geo_run-01_echo-5_part-phase_bold.nii.gz",
                "func/sub-13_task-geo_run-02_echo-5_part-mag_sbref.nii.gz",
                "func/sub-13_task-geo_run-02_echo-5_part-mag_bold.nii.gz",
                "func/sub-13_task-geo_run-02_echo-5_part-phase_bold.nii.gz",
                "func/sub-13_task-geo_run-03_echo-5_part-mag_sbref.nii.gz",
                "func/sub-13_task-geo_run-03_echo-5_part-mag_bold.nii.gz",
                "func/sub-13_task-geo_run-03_echo-5_part-phase_bold.nii.gz",
                "func/sub-13_task-geo_run-04_echo-5_part-mag_sbref.nii.gz",
                "func/sub-13_task-geo_run-04_echo-5_part-mag_bold.nii.gz",
                "func/sub-13_task-geo_run-04_echo-5_part-phase_bold.nii.gz",
                "func/sub-13_task-geo_run-05_echo-5_part-mag_sbref.nii.gz",
                "func/sub-13_task-geo_run-05_echo-5_part-mag_bold.nii.gz",
                "func/sub-13_task-geo_run-05_echo-5_part-phase_bold.nii.gz",
                "func/sub-13_task-geo_run-06_echo-5_part-mag_sbref.nii.gz",
                "func/sub-13_task-geo_run-06_echo-5_part-mag_bold.nii.gz",
                "func/sub-13_task-geo_run-06_echo-5_part-phase_bold.nii.gz",
                "func/sub-13_task-geo_run-07_echo-5_part-mag_sbref.nii.gz",
                "func/sub-13_task-geo_run-07_echo-5_part-mag_bold.nii.gz",
                "func/sub-13_task-geo_run-07_echo-5_part-phase_bold.nii.gz",
                "func/sub-13_task-geo_run-08_echo-5_part-mag_sbref.nii.gz",
                "func/sub-13_task-geo_run-08_echo-5_part-mag_bold.nii.gz",
                "func/sub-13_task-geo_run-08_echo-5_part-phase_bold.nii.gz",
                "func/sub-13_task-geo_run-09_echo-5_part-mag_sbref.nii.gz",
                "func/sub-13_task-geo_run-09_echo-5_part-mag_bold.nii.gz",
                "func/sub-13_task-geo_run-09_echo-5_part-phase_bold.nii.gz",
                "func/sub-13_task-geo_run-10_echo-5_part-mag_sbref.nii.gz",
                "func/sub-13_task-geo_run-10_echo-5_part-mag_bold.nii.gz",
                "func/sub-13_task-geo_run-10_echo-5_part-phase_bold.nii.gz",
                "func/sub-13_task-geo_run-11_echo-5_part-mag_sbref.nii.gz",
                "func/sub-13_task-geo_run-11_echo-5_part-mag_bold.nii.gz",
                "func/sub-13_task-geo_run-11_echo-5_part-phase_bold.nii.gz",
                "func/sub-13_task-geo_run-12_echo-5_part-mag_sbref.nii.gz",
                "func/sub-13_task-geo_run-12_echo-5_part-mag_bold.nii.gz",
                "func/sub-13_task-geo_run-12_echo-5_part-phase_bold.nii.gz",
                "func/sub-13_task-geo_run-13_echo-5_part-mag_sbref.nii.gz",
                "func/sub-13_task-geo_run-13_echo-5_part-mag_bold.nii.gz",
                "func/sub-13_task-geo_run-13_echo-5_part-phase_bold.nii.gz"
        ]
}