{
        "Modality": "MR",
        "MagneticFieldStrength": 3,
        "ImagingFrequency": 123.241617,
        "Manufacturer": "Siemens",
        "ManufacturersModelName": "Prisma",
        "InstitutionName": "Tokyo University IRCN",
        "InstitutionalDepartmentName": "Reserch center",
        "InstitutionAddress": "Hongo 7-3-1,Bunkyo-ku,Tokyo,JP,113-0033",
        "DeviceSerialNumber": "166112",
        "StationName": "AWP166112",
        "BodyPartExamined": "BRAIN",
        "PatientPosition": "HFS",
        "ProcedureStepDescription": "Mingbo^Head",
        "SoftwareVersions": "syngo MR E11",
        "MRAcquisitionType": "2D",
        "SeriesDescription": "multi_echo_2p8_1500_MB5_TE13p8_SBRef",
        "ProtocolName": "multi_echo_2p8_1500_MB5_TE13p8",
        "ScanningSequence": "EP",
        "SequenceVariant": "SK\\SS\\OSP",
        "ScanOptions": "PFP\\FS\\EXT",
        "SequenceName": "epfid2d5_70",
        "ImageType": [
                "ORIGINAL",
                "PRIMARY",
                "P",
                "TE1",
                "ND",
                "MOSAIC",
                "PHASE"
        ],
        "NonlinearGradientCorrection": false,
        "SeriesNumber": 12,
        "AcquisitionTime": "13:20:44.280000",
        "AcquisitionNumber": 1,
        "ImageComments": "Single-band reference SENSE1+",
        "SliceThickness": 2.8,
        "SpacingBetweenSlices": 2.8,
        "SAR": 0.0556232,
        "EchoNumber": 1,
        "EchoTime": 0.014,
        "RepetitionTime": 1.5,
        "FlipAngle": 66,
        "EchoTime1": 0.014,
        "EchoTime2": 0.04151,
        "PartialFourier": 0.75,
        "BaseResolution": 70,
        "ShimSetting": [
                6525,
                -2377,
                1592,
                457,
                71,
                122,
                -54,
                -17
        ],
        "TxRefAmp": 255.667,
        "PhaseResolution": 1,
        "PhaseOversampling": 0.03,
        "ReceiveCoilName": "Spine_32",
        "ReceiveCoilActiveElements": "HEA;HEP;SP1",
        "PulseSequenceDetails": "%CustomerSeq%\\cmrr_mbep2d_bold",
        "WipMemBlock": "b3029126-bc92-44da-82fe-1622c74a740d||Sequence: R016 ve11c/master r/e634e98; Dec 19 2017 11:00:25 by eja",
        "CoilCombinationMethod": "Sum of Squares",
        "ConsistencyInfo": "N4_VE11C_LATEST_20160120",
        "MatrixCoilMode": "SENSE",
        "PercentPhaseFOV": 100,
        "PercentSampling": 100,
        "EchoTrainLength": 55,
        "PhaseEncodingSteps": 55,
        "AcquisitionMatrixPE": 70,
        "ReconMatrixPE": 70,
        "BandwidthPerPixelPhaseEncode": 27.956,
        "EffectiveEchoSpacing": 0.000511007,
        "DerivedVendorReportedEchoSpacing": 0.000496123,
        "TotalReadoutTime": 0.0352595,
        "PixelBandwidth": 2855,
        "DwellTime": 2.5e-06,
        "PhaseEncodingDirection": "j-",
        "SliceTiming": [
                0,
                0.165,
                0.3275,
                0.4925,
                0.6575,
                0.8225,
                0.985,
                1.15,
                1.315,
                1.48,
                1.645,
                1.8075,
                1.9725,
                2.1375,
                2.3025,
                2.465,
                2.63,
                2.795,
                2.96,
                3.125,
                3.2875,
                3.4525,
                3.6175,
                3.7825,
                3.945,
                4.11,
                4.275,
                4.44,
                4.605,
                4.7675,
                4.9325,
                5.0975,
                5.2625,
                5.425,
                5.59,
                5.755,
                5.92,
                6.085,
                6.2475,
                6.4125,
                6.5775,
                6.7425,
                6.905,
                7.07,
                7.235
        ],
        "ImageOrientationPatientDICOM": [
                0.999997,
                -0.00213879,
                -0.000709765,
                0.00174531,
                0.934312,
                -0.356452
        ],
        "ImageOrientationText": "Tra>Cor(-20.9)>Sag(-0.1)",
        "InPlanePhaseEncodingDirectionDICOM": "COL",
        "BidsGuess": [
                "func",
                "_acq-epfid2_dir-AP_run-12_echo-1_part-phase_bold"
        ],
        "ConversionSoftware": "dcm2niix",
        "ConversionSoftwareVersion": "v1.0.20240202",
        "TaskName": "run-02",
        "TaskDescription": "In the experiments, subjects watch a movie which may containviews in a city or in the countryside as if they are sitting in a car.They are asked to make simple judgments based on pictures that theysee using a button.",
        "CogAtlasID": "http://www.cognitiveatlas.org/task/id/trm_4f241173868a3/"
}