{
        "Modality": "MR",
        "MagneticFieldStrength": 3,
        "ImagingFrequency": 123.242309,
        "Manufacturer": "Siemens",
        "ManufacturersModelName": "Prisma",
        "InstitutionName": "Tokyo University IRCN",
        "InstitutionalDepartmentName": "Reserch center",
        "InstitutionAddress": "Hongo 7-3-1,Bunkyo-ku,Tokyo,JP,113-0033",
        "DeviceSerialNumber": "166112",
        "StationName": "AWP166112",
        "BodyPartExamined": "BRAIN",
        "PatientPosition": "HFS",
        "ProcedureStepDescription": "Mingbo^Head",
        "SoftwareVersions": "syngo MR E11",
        "MRAcquisitionType": "2D",
        "SeriesDescription": "multi_echo_2p8_1500_MB5_TE13p8",
        "ProtocolName": "multi_echo_2p8_1500_MB5_TE13p8",
        "ScanningSequence": "EP",
        "SequenceVariant": "SK\\SS\\OSP",
        "ScanOptions": "PFP\\FS\\EXT",
        "SequenceName": "epfid2d5_70",
        "ImageType": [
                "ORIGINAL",
                "PRIMARY",
                "P",
                "MB",
                "TE2",
                "ND",
                "MOSAIC",
                "PHASE"
        ],
        "NonlinearGradientCorrection": false,
        "SeriesNumber": 32,
        "AcquisitionTime": "18:51:48.710000",
        "AcquisitionNumber": 1,
        "ImageComments": "Unaliased MB5/PE3",
        "SliceThickness": 2.8,
        "SpacingBetweenSlices": 2.8,
        "SAR": 0.0543418,
        "EchoNumber": 2,
        "EchoTime": 0.04151,
        "RepetitionTime": 1.5,
        "FlipAngle": 66,
        "EchoTime1": 0.014,
        "EchoTime2": 0.04151,
        "PartialFourier": 0.75,
        "BaseResolution": 70,
        "ShimSetting": [
                6501,
                -2355,
                1550,
                392,
                -7,
                28,
                173,
                18
        ],
        "TxRefAmp": 228.595,
        "PhaseResolution": 1,
        "PhaseOversampling": 0.03,
        "ReceiveCoilName": "Spine_32",
        "ReceiveCoilActiveElements": "HEA;HEP;SP1",
        "PulseSequenceDetails": "%CustomerSeq%\\cmrr_mbep2d_bold",
        "WipMemBlock": "bbb751eb-2941-4189-90f2-8dcb8349eb3d||Sequence: R016 ve11c/master r/e634e98; Dec 19 2017 11:00:25 by eja",
        "CoilCombinationMethod": "Sum of Squares",
        "ConsistencyInfo": "N4_VE11C_LATEST_20160120",
        "MatrixCoilMode": "SENSE",
        "MultibandAccelerationFactor": 5,
        "PercentPhaseFOV": 100,
        "PercentSampling": 100,
        "EchoTrainLength": 55,
        "PhaseEncodingSteps": 55,
        "AcquisitionMatrixPE": 70,
        "ReconMatrixPE": 70,
        "BandwidthPerPixelPhaseEncode": 27.956,
        "EffectiveEchoSpacing": 0.000511007,
        "DerivedVendorReportedEchoSpacing": 0.000496123,
        "TotalReadoutTime": 0.0352595,
        "PixelBandwidth": 2855,
        "DwellTime": 2.5e-06,
        "PhaseEncodingDirection": "j-",
        "SliceTiming": [
                0,
                0.8225,
                0.165,
                0.9875,
                0.3275,
                1.15,
                0.4925,
                1.315,
                0.6575,
                0,
                0.8225,
                0.165,
                0.9875,
                0.3275,
                1.15,
                0.4925,
                1.315,
                0.6575,
                0,
                0.8225,
                0.165,
                0.9875,
                0.3275,
                1.15,
                0.4925,
                1.315,
                0.6575,
                0,
                0.8225,
                0.165,
                0.9875,
                0.3275,
                1.15,
                0.4925,
                1.315,
                0.6575,
                0,
                0.8225,
                0.165,
                0.9875,
                0.3275,
                1.15,
                0.4925,
                1.315,
                0.6575
        ],
        "ImageOrientationPatientDICOM": [
                0.999855,
                -0.00767718,
                -0.0152302,
                0.00174503,
                0.934327,
                -0.356412
        ],
        "ImageOrientationText": "Tra>Cor(-20.9)>Sag(-1.0)",
        "InPlanePhaseEncodingDirectionDICOM": "COL",
        "BidsGuess": [
                "func",
                "_acq-epfid2m5_dir-AP_run-32_echo-2_part-phase_bold"
        ],
        "ConversionSoftware": "dcm2niix",
        "ConversionSoftwareVersion": "v1.0.20240202",
        "TaskName": "run-06",
        "TaskDescription": "In the experiments, subjects watch a movie which may containviews in a city or in the countryside as if they are sitting in a car.They are asked to make simple judgments based on pictures that theysee using a button.",
        "CogAtlasID": "http://www.cognitiveatlas.org/task/id/trm_4f241173868a3/"
}