{
        "Modality": "MR",
        "MagneticFieldStrength": 3,
        "ImagingFrequency": 123.242424,
        "Manufacturer": "Siemens",
        "ManufacturersModelName": "Prisma",
        "InstitutionName": "Tokyo University IRCN",
        "InstitutionalDepartmentName": "Reserch center",
        "InstitutionAddress": "Hongo 7-3-1,Bunkyo-ku,Tokyo,JP,113-0033",
        "DeviceSerialNumber": "166112",
        "StationName": "AWP166112",
        "BodyPartExamined": "BRAIN",
        "PatientPosition": "HFS",
        "ProcedureStepDescription": "Mingbo^Head",
        "SoftwareVersions": "syngo MR E11",
        "MRAcquisitionType": "2D",
        "SeriesDescription": "multi_echo_2p8_1500_MB5_TE13p8",
        "ProtocolName": "multi_echo_2p8_1500_MB5_TE13p8",
        "ScanningSequence": "EP",
        "SequenceVariant": "SK\\SS\\OSP",
        "ScanOptions": "PFP\\FS\\EXT",
        "SequenceName": "epfid2d5_70",
        "ImageType": [
                "ORIGINAL",
                "PRIMARY",
                "M",
                "MB",
                "TE1",
                "ND",
                "NORM",
                "MOSAIC"
        ],
        "NonlinearGradientCorrection": false,
        "SeriesNumber": 35,
        "AcquisitionTime": "18:37:28.555000",
        "AcquisitionNumber": 1,
        "ImageComments": "Unaliased MB5/PE3",
        "SliceThickness": 2.8,
        "SpacingBetweenSlices": 2.8,
        "SAR": 0.050546,
        "EchoNumber": 1,
        "EchoTime": 0.014,
        "RepetitionTime": 1.5,
        "FlipAngle": 62,
        "PartialFourier": 0.75,
        "BaseResolution": 70,
        "ShimSetting": [
                6494,
                -2367,
                1600,
                313,
                -17,
                26,
                45,
                -44
        ],
        "TxRefAmp": 267.687,
        "PhaseResolution": 1,
        "PhaseOversampling": 0.03,
        "ReceiveCoilName": "Spine_32",
        "ReceiveCoilActiveElements": "HEA;HEP;SP1",
        "PulseSequenceDetails": "%CustomerSeq%\\cmrr_mbep2d_bold",
        "WipMemBlock": "c5bb75ae-6186-4506-a270-b737b9693397||Sequence: R016 ve11c/master r/e634e98; Dec 19 2017 11:00:25 by eja",
        "CoilCombinationMethod": "Sum of Squares",
        "ConsistencyInfo": "N4_VE11C_LATEST_20160120",
        "MatrixCoilMode": "SENSE",
        "MultibandAccelerationFactor": 5,
        "PercentPhaseFOV": 100,
        "PercentSampling": 100,
        "EchoTrainLength": 55,
        "PhaseEncodingSteps": 55,
        "AcquisitionMatrixPE": 70,
        "ReconMatrixPE": 70,
        "BandwidthPerPixelPhaseEncode": 27.956,
        "EffectiveEchoSpacing": 0.000511007,
        "DerivedVendorReportedEchoSpacing": 0.000496123,
        "TotalReadoutTime": 0.0352595,
        "PixelBandwidth": 2855,
        "DwellTime": 2.5e-06,
        "PhaseEncodingDirection": "j-",
        "SliceTiming": [
                0,
                0.82,
                0.1625,
                0.985,
                0.3275,
                1.15,
                0.4925,
                1.315,
                0.6575,
                0,
                0.82,
                0.1625,
                0.985,
                0.3275,
                1.15,
                0.4925,
                1.315,
                0.6575,
                0,
                0.82,
                0.1625,
                0.985,
                0.3275,
                1.15,
                0.4925,
                1.315,
                0.6575,
                0,
                0.82,
                0.1625,
                0.985,
                0.3275,
                1.15,
                0.4925,
                1.315,
                0.6575,
                0,
                0.82,
                0.1625,
                0.985,
                0.3275,
                1.15,
                0.4925,
                1.315,
                0.6575
        ],
        "ImageOrientationPatientDICOM": [
                0.999997,
                -0.00136937,
                0.00182746,
                0.00174536,
                0.97437,
                -0.224944
        ],
        "ImageOrientationText": "Tra>Cor(-13.0)>Sag(0.1)",
        "InPlanePhaseEncodingDirectionDICOM": "COL",
        "BidsGuess": [
                "func",
                "_acq-epfid2m5_dir-AP_run-35_echo-1_bold"
        ],
        "ConversionSoftware": "dcm2niix",
        "ConversionSoftwareVersion": "v1.0.20240202",
        "TaskName": "run-08",
        "TaskDescription": "In the experiments, subjects watch a movie which may containviews in a city or in the countryside as if they are sitting in a car.They are asked to make simple judgments based on pictures that theysee using a button.",
        "CogAtlasID": "http://www.cognitiveatlas.org/task/id/trm_4f241173868a3/"
}