{
        "Modality": "MR",
        "MagneticFieldStrength": 3,
        "ImagingFrequency": 123.242303,
        "Manufacturer": "Siemens",
        "ManufacturersModelName": "Prisma",
        "InstitutionName": "Tokyo University IRCN",
        "InstitutionalDepartmentName": "Reserch center",
        "InstitutionAddress": "Hongo 7-3-1,Bunkyo-ku,Tokyo,JP,113-0033",
        "DeviceSerialNumber": "166112",
        "StationName": "AWP166112",
        "BodyPartExamined": "BRAIN",
        "PatientPosition": "HFS",
        "ProcedureStepDescription": "Mingbo^Head",
        "SoftwareVersions": "syngo MR E11",
        "MRAcquisitionType": "2D",
        "SeriesDescription": "multi_echo_2p8_1500_MB5_TE13p8_SBRef",
        "ProtocolName": "multi_echo_2p8_1500_MB5_TE13p8",
        "ScanningSequence": "EP",
        "SequenceVariant": "SK\\SS\\OSP",
        "ScanOptions": "PFP\\FS\\EXT",
        "SequenceName": "epfid2d5_70",
        "ImageType": [
                "ORIGINAL",
                "PRIMARY",
                "P",
                "TE3",
                "ND",
                "MOSAIC",
                "PHASE"
        ],
        "NonlinearGradientCorrection": false,
        "SeriesNumber": 11,
        "AcquisitionTime": "17:49:22.467500",
        "AcquisitionNumber": 1,
        "ImageComments": "Single-band reference",
        "SliceThickness": 2.8,
        "SpacingBetweenSlices": 2.8,
        "SAR": 0.0449042,
        "EchoNumber": 3,
        "EchoTime": 0.06902,
        "RepetitionTime": 1.5,
        "FlipAngle": 66,
        "EchoTime1": 0.014,
        "EchoTime2": 0.04151,
        "PartialFourier": 0.75,
        "BaseResolution": 70,
        "ShimSetting": [
                6501,
                -2401,
                1498,
                443,
                85,
                120,
                149,
                0
        ],
        "TxRefAmp": 240.279,
        "PhaseResolution": 1,
        "PhaseOversampling": 0.03,
        "ReceiveCoilName": "Spine_32",
        "ReceiveCoilActiveElements": "HEA;HEP;SP1",
        "PulseSequenceDetails": "%CustomerSeq%\\cmrr_mbep2d_bold",
        "WipMemBlock": "9c44335b-ddf1-4547-baac-79d174729d22||Sequence: R016 ve11c/master r/e634e98; Dec 19 2017 11:00:25 by eja",
        "CoilCombinationMethod": "Sum of Squares",
        "ConsistencyInfo": "N4_VE11C_LATEST_20160120",
        "MatrixCoilMode": "SENSE",
        "PercentPhaseFOV": 100,
        "PercentSampling": 100,
        "EchoTrainLength": 55,
        "PhaseEncodingSteps": 55,
        "AcquisitionMatrixPE": 70,
        "ReconMatrixPE": 70,
        "BandwidthPerPixelPhaseEncode": 27.956,
        "EffectiveEchoSpacing": 0.000511007,
        "DerivedVendorReportedEchoSpacing": 0.000496123,
        "TotalReadoutTime": 0.0352595,
        "PixelBandwidth": 2855,
        "DwellTime": 2.5e-06,
        "PhaseEncodingDirection": "j-",
        "SliceTiming": [
                0,
                0.165,
                0.3275,
                0.4925,
                0.6575,
                0.8225,
                0.9875,
                1.15,
                1.315,
                1.48,
                1.645,
                1.8075,
                1.9725,
                2.1375,
                2.3025,
                2.4675,
                2.63,
                2.795,
                2.96,
                3.125,
                3.2875,
                3.4525,
                3.6175,
                3.7825,
                3.9475,
                4.11,
                4.275,
                4.44,
                4.605,
                4.7675,
                4.9325,
                5.0975,
                5.2625,
                5.4275,
                5.59,
                5.755,
                5.92,
                6.085,
                6.2475,
                6.4125,
                6.5775,
                6.7425,
                6.9075,
                7.07,
                7.235
        ],
        "ImageOrientationPatientDICOM": [
                0.999994,
                -0.00269186,
                -0.00199069,
                0.00174536,
                0.926556,
                -0.376153
        ],
        "ImageOrientationText": "Tra>Cor(-22.1)>Sag(-0.2)",
        "InPlanePhaseEncodingDirectionDICOM": "COL",
        "BidsGuess": [
                "func",
                "_acq-epfid2_dir-AP_run-11_echo-3_part-phase_bold"
        ],
        "ConversionSoftware": "dcm2niix",
        "ConversionSoftwareVersion": "v1.0.20240202",
        "TaskName": "run-01",
        "TaskDescription": "In the experiments, subjects watch a movie which may containviews in a city or in the countryside as if they are sitting in a car.They are asked to make simple judgments based on pictures that theysee using a button.",
        "CogAtlasID": "http://www.cognitiveatlas.org/task/id/trm_4f241173868a3/"
}