{
        "Modality": "MR",
        "MagneticFieldStrength": 3,
        "ImagingFrequency": 123.242393,
        "Manufacturer": "Siemens",
        "ManufacturersModelName": "Prisma",
        "InstitutionName": "Tokyo University IRCN",
        "InstitutionalDepartmentName": "Reserch center",
        "InstitutionAddress": "Hongo 7-3-1,Bunkyo-ku,Tokyo,JP,113-0033",
        "DeviceSerialNumber": "166112",
        "StationName": "AWP166112",
        "BodyPartExamined": "BRAIN",
        "PatientPosition": "HFS",
        "ProcedureStepDescription": "Mingbo^Head",
        "SoftwareVersions": "syngo MR E11",
        "MRAcquisitionType": "2D",
        "SeriesDescription": "SpinEchoFieldMap_PA",
        "ProtocolName": "SpinEchoFieldMap_PA",
        "ScanningSequence": "EP",
        "SequenceVariant": "SK\\OSP",
        "ScanOptions": "PFP\\FS",
        "SequenceName": "epse2d1_70",
        "ImageType": [
                "ORIGINAL",
                "PRIMARY",
                "M",
                "ND",
                "MOSAIC"
        ],
        "NonlinearGradientCorrection": false,
        "SeriesNumber": 30,
        "AcquisitionTime": "18:08:5.602500",
        "AcquisitionNumber": 1,
        "SliceThickness": 2.8,
        "SpacingBetweenSlices": 2.8,
        "SAR": 0.0948333,
        "EchoTime": 0.066,
        "RepetitionTime": 8,
        "FlipAngle": 90,
        "PartialFourier": 0.75,
        "BaseResolution": 70,
        "ShimSetting": [
                6532,
                -2382,
                1555,
                338,
                -25,
                50,
                4,
                -66
        ],
        "TxRefAmp": 218.839,
        "PhaseResolution": 1,
        "PhaseOversampling": 0.03,
        "ReceiveCoilName": "Head_32",
        "ReceiveCoilActiveElements": "HEA;HEP",
        "PulseSequenceDetails": "%CustomerSeq%\\cmrr_mbep2d_se",
        "WipMemBlock": "8b67da2c-f395-48d2-bff0-b13dfaaa75b0||Sequence: R016 ve11c/master r/e634e98; Dec 19 2017 11:22:56 by eja",
        "CoilCombinationMethod": "Sum of Squares",
        "ConsistencyInfo": "N4_VE11C_LATEST_20160120",
        "MatrixCoilMode": "SENSE",
        "PercentPhaseFOV": 100,
        "PercentSampling": 100,
        "EchoTrainLength": 55,
        "PhaseEncodingSteps": 55,
        "AcquisitionMatrixPE": 70,
        "ReconMatrixPE": 70,
        "BandwidthPerPixelPhaseEncode": 26.86,
        "EffectiveEchoSpacing": 0.000531858,
        "DerivedVendorReportedEchoSpacing": 0.000516367,
        "TotalReadoutTime": 0.0366982,
        "PixelBandwidth": 2230,
        "DwellTime": 3.2e-06,
        "PhaseEncodingDirection": "j",
        "SliceTiming": [
                0,
                4.0775,
                0.1775,
                4.255,
                0.355,
                4.4325,
                0.5325,
                4.61,
                0.71,
                4.7875,
                0.885,
                4.965,
                1.0625,
                5.1425,
                1.24,
                5.32,
                1.4175,
                5.4975,
                1.595,
                5.675,
                1.7725,
                5.8525,
                1.95,
                6.03,
                2.1275,
                6.205,
                2.305,
                6.3825,
                2.4825,
                6.56,
                2.66,
                6.7375,
                2.8375,
                6.915,
                3.015,
                7.0925,
                3.1925,
                7.27,
                3.37,
                7.4475,
                3.545,
                7.625,
                3.7225,
                7.8025,
                3.9
        ],
        "ImageOrientationPatientDICOM": [
                0.999989,
                -0.00274781,
                -0.00387252,
                0.00174532,
                0.971162,
                -0.238415
        ],
        "ImageOrientationText": "Tra>Cor(-13.8)>Sag(-0.3)",
        "InPlanePhaseEncodingDirectionDICOM": "COL",
        "BidsGuess": [
                "fmap",
                "_acq-epse2_dir-PA_run-30_epi"
        ],
        "ConversionSoftware": "dcm2niix",
        "ConversionSoftwareVersion": "v1.0.20240202",
        "IntendedFor": [
                "func/sub-05_task-geo_run-00_echo-1_part-mag_sbref.nii.gz",
                "func/sub-05_task-geo_run-00_echo-1_part-mag_bold.nii.gz",
                "func/sub-05_task-geo_run-00_echo-1_part-phase_bold.nii.gz",
                "func/sub-05_task-geo_run-01_echo-1_part-mag_sbref.nii.gz",
                "func/sub-05_task-geo_run-01_echo-1_part-mag_bold.nii.gz",
                "func/sub-05_task-geo_run-01_echo-1_part-phase_bold.nii.gz",
                "func/sub-05_task-geo_run-02_echo-1_part-mag_sbref.nii.gz",
                "func/sub-05_task-geo_run-02_echo-1_part-mag_bold.nii.gz",
                "func/sub-05_task-geo_run-02_echo-1_part-phase_bold.nii.gz",
                "func/sub-05_task-geo_run-03_echo-1_part-mag_sbref.nii.gz",
                "func/sub-05_task-geo_run-03_echo-1_part-mag_bold.nii.gz",
                "func/sub-05_task-geo_run-03_echo-1_part-phase_bold.nii.gz",
                "func/sub-05_task-geo_run-04_echo-1_part-mag_sbref.nii.gz",
                "func/sub-05_task-geo_run-04_echo-1_part-mag_bold.nii.gz",
                "func/sub-05_task-geo_run-04_echo-1_part-phase_bold.nii.gz",
                "func/sub-05_task-geo_run-05_echo-1_part-mag_sbref.nii.gz",
                "func/sub-05_task-geo_run-05_echo-1_part-mag_bold.nii.gz",
                "func/sub-05_task-geo_run-05_echo-1_part-phase_bold.nii.gz",
                "func/sub-05_task-geo_run-06_echo-1_part-mag_sbref.nii.gz",
                "func/sub-05_task-geo_run-06_echo-1_part-mag_bold.nii.gz",
                "func/sub-05_task-geo_run-06_echo-1_part-phase_bold.nii.gz",
                "func/sub-05_task-geo_run-07_echo-1_part-mag_sbref.nii.gz",
                "func/sub-05_task-geo_run-07_echo-1_part-mag_bold.nii.gz",
                "func/sub-05_task-geo_run-07_echo-1_part-phase_bold.nii.gz",
                "func/sub-05_task-geo_run-08_echo-1_part-mag_sbref.nii.gz",
                "func/sub-05_task-geo_run-08_echo-1_part-mag_bold.nii.gz",
                "func/sub-05_task-geo_run-08_echo-1_part-phase_bold.nii.gz",
                "func/sub-05_task-geo_run-09_echo-1_part-mag_sbref.nii.gz",
                "func/sub-05_task-geo_run-09_echo-1_part-mag_bold.nii.gz",
                "func/sub-05_task-geo_run-09_echo-1_part-phase_bold.nii.gz",
                "func/sub-05_task-geo_run-10_echo-1_part-mag_sbref.nii.gz",
                "func/sub-05_task-geo_run-10_echo-1_part-mag_bold.nii.gz",
                "func/sub-05_task-geo_run-10_echo-1_part-phase_bold.nii.gz",
                "func/sub-05_task-geo_run-11_echo-1_part-mag_sbref.nii.gz",
                "func/sub-05_task-geo_run-11_echo-1_part-mag_bold.nii.gz",
                "func/sub-05_task-geo_run-11_echo-1_part-phase_bold.nii.gz",
                "func/sub-05_task-geo_run-12_echo-1_part-mag_sbref.nii.gz",
                "func/sub-05_task-geo_run-12_echo-1_part-mag_bold.nii.gz",
                "func/sub-05_task-geo_run-12_echo-1_part-phase_bold.nii.gz",
                "func/sub-05_task-geo_run-13_echo-1_part-mag_sbref.nii.gz",
                "func/sub-05_task-geo_run-13_echo-1_part-mag_bold.nii.gz",
                "func/sub-05_task-geo_run-13_echo-1_part-phase_bold.nii.gz",
                "func/sub-05_task-geo_run-00_echo-2_part-mag_sbref.nii.gz",
                "func/sub-05_task-geo_run-00_echo-2_part-mag_bold.nii.gz",
                "func/sub-05_task-geo_run-00_echo-2_part-phase_bold.nii.gz",
                "func/sub-05_task-geo_run-01_echo-2_part-mag_sbref.nii.gz",
                "func/sub-05_task-geo_run-01_echo-2_part-mag_bold.nii.gz",
                "func/sub-05_task-geo_run-01_echo-2_part-phase_bold.nii.gz",
                "func/sub-05_task-geo_run-02_echo-2_part-mag_sbref.nii.gz",
                "func/sub-05_task-geo_run-02_echo-2_part-mag_bold.nii.gz",
                "func/sub-05_task-geo_run-02_echo-2_part-phase_bold.nii.gz",
                "func/sub-05_task-geo_run-03_echo-2_part-mag_sbref.nii.gz",
                "func/sub-05_task-geo_run-03_echo-2_part-mag_bold.nii.gz",
                "func/sub-05_task-geo_run-03_echo-2_part-phase_bold.nii.gz",
                "func/sub-05_task-geo_run-04_echo-2_part-mag_sbref.nii.gz",
                "func/sub-05_task-geo_run-04_echo-2_part-mag_bold.nii.gz",
                "func/sub-05_task-geo_run-04_echo-2_part-phase_bold.nii.gz",
                "func/sub-05_task-geo_run-05_echo-2_part-mag_sbref.nii.gz",
                "func/sub-05_task-geo_run-05_echo-2_part-mag_bold.nii.gz",
                "func/sub-05_task-geo_run-05_echo-2_part-phase_bold.nii.gz",
                "func/sub-05_task-geo_run-06_echo-2_part-mag_sbref.nii.gz",
                "func/sub-05_task-geo_run-06_echo-2_part-mag_bold.nii.gz",
                "func/sub-05_task-geo_run-06_echo-2_part-phase_bold.nii.gz",
                "func/sub-05_task-geo_run-07_echo-2_part-mag_sbref.nii.gz",
                "func/sub-05_task-geo_run-07_echo-2_part-mag_bold.nii.gz",
                "func/sub-05_task-geo_run-07_echo-2_part-phase_bold.nii.gz",
                "func/sub-05_task-geo_run-08_echo-2_part-mag_sbref.nii.gz",
                "func/sub-05_task-geo_run-08_echo-2_part-mag_bold.nii.gz",
                "func/sub-05_task-geo_run-08_echo-2_part-phase_bold.nii.gz",
                "func/sub-05_task-geo_run-09_echo-2_part-mag_sbref.nii.gz",
                "func/sub-05_task-geo_run-09_echo-2_part-mag_bold.nii.gz",
                "func/sub-05_task-geo_run-09_echo-2_part-phase_bold.nii.gz",
                "func/sub-05_task-geo_run-10_echo-2_part-mag_sbref.nii.gz",
                "func/sub-05_task-geo_run-10_echo-2_part-mag_bold.nii.gz",
                "func/sub-05_task-geo_run-10_echo-2_part-phase_bold.nii.gz",
                "func/sub-05_task-geo_run-11_echo-2_part-mag_sbref.nii.gz",
                "func/sub-05_task-geo_run-11_echo-2_part-mag_bold.nii.gz",
                "func/sub-05_task-geo_run-11_echo-2_part-phase_bold.nii.gz",
                "func/sub-05_task-geo_run-12_echo-2_part-mag_sbref.nii.gz",
                "func/sub-05_task-geo_run-12_echo-2_part-mag_bold.nii.gz",
                "func/sub-05_task-geo_run-12_echo-2_part-phase_bold.nii.gz",
                "func/sub-05_task-geo_run-13_echo-2_part-mag_sbref.nii.gz",
                "func/sub-05_task-geo_run-13_echo-2_part-mag_bold.nii.gz",
                "func/sub-05_task-geo_run-13_echo-2_part-phase_bold.nii.gz",
                "func/sub-05_task-geo_run-00_echo-3_part-mag_sbref.nii.gz",
                "func/sub-05_task-geo_run-00_echo-3_part-mag_bold.nii.gz",
                "func/sub-05_task-geo_run-00_echo-3_part-phase_bold.nii.gz",
                "func/sub-05_task-geo_run-01_echo-3_part-mag_sbref.nii.gz",
                "func/sub-05_task-geo_run-01_echo-3_part-mag_bold.nii.gz",
                "func/sub-05_task-geo_run-01_echo-3_part-phase_bold.nii.gz",
                "func/sub-05_task-geo_run-02_echo-3_part-mag_sbref.nii.gz",
                "func/sub-05_task-geo_run-02_echo-3_part-mag_bold.nii.gz",
                "func/sub-05_task-geo_run-02_echo-3_part-phase_bold.nii.gz",
                "func/sub-05_task-geo_run-03_echo-3_part-mag_sbref.nii.gz",
                "func/sub-05_task-geo_run-03_echo-3_part-mag_bold.nii.gz",
                "func/sub-05_task-geo_run-03_echo-3_part-phase_bold.nii.gz",
                "func/sub-05_task-geo_run-04_echo-3_part-mag_sbref.nii.gz",
                "func/sub-05_task-geo_run-04_echo-3_part-mag_bold.nii.gz",
                "func/sub-05_task-geo_run-04_echo-3_part-phase_bold.nii.gz",
                "func/sub-05_task-geo_run-05_echo-3_part-mag_sbref.nii.gz",
                "func/sub-05_task-geo_run-05_echo-3_part-mag_bold.nii.gz",
                "func/sub-05_task-geo_run-05_echo-3_part-phase_bold.nii.gz",
                "func/sub-05_task-geo_run-06_echo-3_part-mag_sbref.nii.gz",
                "func/sub-05_task-geo_run-06_echo-3_part-mag_bold.nii.gz",
                "func/sub-05_task-geo_run-06_echo-3_part-phase_bold.nii.gz",
                "func/sub-05_task-geo_run-07_echo-3_part-mag_sbref.nii.gz",
                "func/sub-05_task-geo_run-07_echo-3_part-mag_bold.nii.gz",
                "func/sub-05_task-geo_run-07_echo-3_part-phase_bold.nii.gz",
                "func/sub-05_task-geo_run-08_echo-3_part-mag_sbref.nii.gz",
                "func/sub-05_task-geo_run-08_echo-3_part-mag_bold.nii.gz",
                "func/sub-05_task-geo_run-08_echo-3_part-phase_bold.nii.gz",
                "func/sub-05_task-geo_run-09_echo-3_part-mag_sbref.nii.gz",
                "func/sub-05_task-geo_run-09_echo-3_part-mag_bold.nii.gz",
                "func/sub-05_task-geo_run-09_echo-3_part-phase_bold.nii.gz",
                "func/sub-05_task-geo_run-10_echo-3_part-mag_sbref.nii.gz",
                "func/sub-05_task-geo_run-10_echo-3_part-mag_bold.nii.gz",
                "func/sub-05_task-geo_run-10_echo-3_part-phase_bold.nii.gz",
                "func/sub-05_task-geo_run-11_echo-3_part-mag_sbref.nii.gz",
                "func/sub-05_task-geo_run-11_echo-3_part-mag_bold.nii.gz",
                "func/sub-05_task-geo_run-11_echo-3_part-phase_bold.nii.gz",
                "func/sub-05_task-geo_run-12_echo-3_part-mag_sbref.nii.gz",
                "func/sub-05_task-geo_run-12_echo-3_part-mag_bold.nii.gz",
                "func/sub-05_task-geo_run-12_echo-3_part-phase_bold.nii.gz",
                "func/sub-05_task-geo_run-13_echo-3_part-mag_sbref.nii.gz",
                "func/sub-05_task-geo_run-13_echo-3_part-mag_bold.nii.gz",
                "func/sub-05_task-geo_run-13_echo-3_part-phase_bold.nii.gz",
                "func/sub-05_task-geo_run-00_echo-4_part-mag_sbref.nii.gz",
                "func/sub-05_task-geo_run-00_echo-4_part-mag_bold.nii.gz",
                "func/sub-05_task-geo_run-00_echo-4_part-phase_bold.nii.gz",
                "func/sub-05_task-geo_run-01_echo-4_part-mag_sbref.nii.gz",
                "func/sub-05_task-geo_run-01_echo-4_part-mag_bold.nii.gz",
                "func/sub-05_task-geo_run-01_echo-4_part-phase_bold.nii.gz",
                "func/sub-05_task-geo_run-02_echo-4_part-mag_sbref.nii.gz",
                "func/sub-05_task-geo_run-02_echo-4_part-mag_bold.nii.gz",
                "func/sub-05_task-geo_run-02_echo-4_part-phase_bold.nii.gz",
                "func/sub-05_task-geo_run-03_echo-4_part-mag_sbref.nii.gz",
                "func/sub-05_task-geo_run-03_echo-4_part-mag_bold.nii.gz",
                "func/sub-05_task-geo_run-03_echo-4_part-phase_bold.nii.gz",
                "func/sub-05_task-geo_run-04_echo-4_part-mag_sbref.nii.gz",
                "func/sub-05_task-geo_run-04_echo-4_part-mag_bold.nii.gz",
                "func/sub-05_task-geo_run-04_echo-4_part-phase_bold.nii.gz",
                "func/sub-05_task-geo_run-05_echo-4_part-mag_sbref.nii.gz",
                "func/sub-05_task-geo_run-05_echo-4_part-mag_bold.nii.gz",
                "func/sub-05_task-geo_run-05_echo-4_part-phase_bold.nii.gz",
                "func/sub-05_task-geo_run-06_echo-4_part-mag_sbref.nii.gz",
                "func/sub-05_task-geo_run-06_echo-4_part-mag_bold.nii.gz",
                "func/sub-05_task-geo_run-06_echo-4_part-phase_bold.nii.gz",
                "func/sub-05_task-geo_run-07_echo-4_part-mag_sbref.nii.gz",
                "func/sub-05_task-geo_run-07_echo-4_part-mag_bold.nii.gz",
                "func/sub-05_task-geo_run-07_echo-4_part-phase_bold.nii.gz",
                "func/sub-05_task-geo_run-08_echo-4_part-mag_sbref.nii.gz",
                "func/sub-05_task-geo_run-08_echo-4_part-mag_bold.nii.gz",
                "func/sub-05_task-geo_run-08_echo-4_part-phase_bold.nii.gz",
                "func/sub-05_task-geo_run-09_echo-4_part-mag_sbref.nii.gz",
                "func/sub-05_task-geo_run-09_echo-4_part-mag_bold.nii.gz",
                "func/sub-05_task-geo_run-09_echo-4_part-phase_bold.nii.gz",
                "func/sub-05_task-geo_run-10_echo-4_part-mag_sbref.nii.gz",
                "func/sub-05_task-geo_run-10_echo-4_part-mag_bold.nii.gz",
                "func/sub-05_task-geo_run-10_echo-4_part-phase_bold.nii.gz",
                "func/sub-05_task-geo_run-11_echo-4_part-mag_sbref.nii.gz",
                "func/sub-05_task-geo_run-11_echo-4_part-mag_bold.nii.gz",
                "func/sub-05_task-geo_run-11_echo-4_part-phase_bold.nii.gz",
                "func/sub-05_task-geo_run-12_echo-4_part-mag_sbref.nii.gz",
                "func/sub-05_task-geo_run-12_echo-4_part-mag_bold.nii.gz",
                "func/sub-05_task-geo_run-12_echo-4_part-phase_bold.nii.gz",
                "func/sub-05_task-geo_run-13_echo-4_part-mag_sbref.nii.gz",
                "func/sub-05_task-geo_run-13_echo-4_part-mag_bold.nii.gz",
                "func/sub-05_task-geo_run-13_echo-4_part-phase_bold.nii.gz",
                "func/sub-05_task-geo_run-00_echo-5_part-mag_sbref.nii.gz",
                "func/sub-05_task-geo_run-00_echo-5_part-mag_bold.nii.gz",
                "func/sub-05_task-geo_run-00_echo-5_part-phase_bold.nii.gz",
                "func/sub-05_task-geo_run-01_echo-5_part-mag_sbref.nii.gz",
                "func/sub-05_task-geo_run-01_echo-5_part-mag_bold.nii.gz",
                "func/sub-05_task-geo_run-01_echo-5_part-phase_bold.nii.gz",
                "func/sub-05_task-geo_run-02_echo-5_part-mag_sbref.nii.gz",
                "func/sub-05_task-geo_run-02_echo-5_part-mag_bold.nii.gz",
                "func/sub-05_task-geo_run-02_echo-5_part-phase_bold.nii.gz",
                "func/sub-05_task-geo_run-03_echo-5_part-mag_sbref.nii.gz",
                "func/sub-05_task-geo_run-03_echo-5_part-mag_bold.nii.gz",
                "func/sub-05_task-geo_run-03_echo-5_part-phase_bold.nii.gz",
                "func/sub-05_task-geo_run-04_echo-5_part-mag_sbref.nii.gz",
                "func/sub-05_task-geo_run-04_echo-5_part-mag_bold.nii.gz",
                "func/sub-05_task-geo_run-04_echo-5_part-phase_bold.nii.gz",
                "func/sub-05_task-geo_run-05_echo-5_part-mag_sbref.nii.gz",
                "func/sub-05_task-geo_run-05_echo-5_part-mag_bold.nii.gz",
                "func/sub-05_task-geo_run-05_echo-5_part-phase_bold.nii.gz",
                "func/sub-05_task-geo_run-06_echo-5_part-mag_sbref.nii.gz",
                "func/sub-05_task-geo_run-06_echo-5_part-mag_bold.nii.gz",
                "func/sub-05_task-geo_run-06_echo-5_part-phase_bold.nii.gz",
                "func/sub-05_task-geo_run-07_echo-5_part-mag_sbref.nii.gz",
                "func/sub-05_task-geo_run-07_echo-5_part-mag_bold.nii.gz",
                "func/sub-05_task-geo_run-07_echo-5_part-phase_bold.nii.gz",
                "func/sub-05_task-geo_run-08_echo-5_part-mag_sbref.nii.gz",
                "func/sub-05_task-geo_run-08_echo-5_part-mag_bold.nii.gz",
                "func/sub-05_task-geo_run-08_echo-5_part-phase_bold.nii.gz",
                "func/sub-05_task-geo_run-09_echo-5_part-mag_sbref.nii.gz",
                "func/sub-05_task-geo_run-09_echo-5_part-mag_bold.nii.gz",
                "func/sub-05_task-geo_run-09_echo-5_part-phase_bold.nii.gz",
                "func/sub-05_task-geo_run-10_echo-5_part-mag_sbref.nii.gz",
                "func/sub-05_task-geo_run-10_echo-5_part-mag_bold.nii.gz",
                "func/sub-05_task-geo_run-10_echo-5_part-phase_bold.nii.gz",
                "func/sub-05_task-geo_run-11_echo-5_part-mag_sbref.nii.gz",
                "func/sub-05_task-geo_run-11_echo-5_part-mag_bold.nii.gz",
                "func/sub-05_task-geo_run-11_echo-5_part-phase_bold.nii.gz",
                "func/sub-05_task-geo_run-12_echo-5_part-mag_sbref.nii.gz",
                "func/sub-05_task-geo_run-12_echo-5_part-mag_bold.nii.gz",
                "func/sub-05_task-geo_run-12_echo-5_part-phase_bold.nii.gz",
                "func/sub-05_task-geo_run-13_echo-5_part-mag_sbref.nii.gz",
                "func/sub-05_task-geo_run-13_echo-5_part-mag_bold.nii.gz",
                "func/sub-05_task-geo_run-13_echo-5_part-phase_bold.nii.gz"
        ]
}