{
        "Modality": "MR",
        "MagneticFieldStrength": 3,
        "ImagingFrequency": 123.241758,
        "Manufacturer": "Siemens",
        "ManufacturersModelName": "Prisma",
        "InstitutionName": "Tokyo University IRCN",
        "InstitutionalDepartmentName": "Reserch center",
        "InstitutionAddress": "Hongo 7-3-1,Bunkyo-ku,Tokyo,JP,113-0033",
        "DeviceSerialNumber": "166112",
        "StationName": "AWP166112",
        "BodyPartExamined": "BRAIN",
        "PatientPosition": "HFS",
        "ProcedureStepDescription": "Mingbo^Head",
        "SoftwareVersions": "syngo MR E11",
        "MRAcquisitionType": "2D",
        "SeriesDescription": "multi_echo_2p8_1500_MB5_TE13p8",
        "ProtocolName": "multi_echo_2p8_1500_MB5_TE13p8",
        "ScanningSequence": "EP",
        "SequenceVariant": "SK\\SS\\OSP",
        "ScanOptions": "PFP\\FS\\EXT",
        "SequenceName": "epfid2d5_70",
        "ImageType": [
                "ORIGINAL",
                "PRIMARY",
                "M",
                "MB",
                "TE5",
                "ND",
                "MOSAIC"
        ],
        "NonlinearGradientCorrection": false,
        "SeriesNumber": 48,
        "AcquisitionTime": "19:33:51.287500",
        "AcquisitionNumber": 1,
        "ImageComments": "Unaliased MB5/PE3 SENSE1+",
        "SliceThickness": 2.8,
        "SpacingBetweenSlices": 2.8,
        "SAR": 0.0471288,
        "EchoNumber": 5,
        "EchoTime": 0.12404,
        "RepetitionTime": 1.5,
        "FlipAngle": 66,
        "PartialFourier": 0.75,
        "BaseResolution": 70,
        "ShimSetting": [
                6523,
                -2352,
                1553,
                376,
                3,
                153,
                -114,
                -10
        ],
        "TxRefAmp": 246.704,
        "PhaseResolution": 1,
        "PhaseOversampling": 0.03,
        "ReceiveCoilName": "Head_32",
        "ReceiveCoilActiveElements": "HEA;HEP;SP1",
        "PulseSequenceDetails": "%CustomerSeq%\\cmrr_mbep2d_bold",
        "WipMemBlock": "f406c081-12d0-47f5-bb1d-6bed312274a6||Sequence: R016 ve11c/master r/e634e98; Dec 19 2017 11:00:25 by eja",
        "CoilCombinationMethod": "Sum of Squares",
        "ConsistencyInfo": "N4_VE11C_LATEST_20160120",
        "MatrixCoilMode": "SENSE",
        "MultibandAccelerationFactor": 5,
        "PercentPhaseFOV": 100,
        "PercentSampling": 100,
        "EchoTrainLength": 55,
        "PhaseEncodingSteps": 55,
        "AcquisitionMatrixPE": 70,
        "ReconMatrixPE": 70,
        "BandwidthPerPixelPhaseEncode": 27.956,
        "EffectiveEchoSpacing": 0.000511007,
        "DerivedVendorReportedEchoSpacing": 0.000496123,
        "TotalReadoutTime": 0.0352595,
        "PixelBandwidth": 2855,
        "DwellTime": 2.5e-06,
        "PhaseEncodingDirection": "j-",
        "SliceTiming": [
                0,
                0.8225,
                0.165,
                0.9875,
                0.33,
                1.15,
                0.4925,
                1.315,
                0.6575,
                0,
                0.8225,
                0.165,
                0.9875,
                0.33,
                1.15,
                0.4925,
                1.315,
                0.6575,
                0,
                0.8225,
                0.165,
                0.9875,
                0.33,
                1.15,
                0.4925,
                1.315,
                0.6575,
                0,
                0.8225,
                0.165,
                0.9875,
                0.33,
                1.15,
                0.4925,
                1.315,
                0.6575,
                0,
                0.8225,
                0.165,
                0.9875,
                0.33,
                1.15,
                0.4925,
                1.315,
                0.6575
        ],
        "ImageOrientationPatientDICOM": [
                0.999874,
                -0.0106929,
                -0.0117062,
                0.00174507,
                0.808074,
                -0.589078
        ],
        "ImageOrientationText": "Tra>Cor(-36.1)>Sag(-0.9)",
        "InPlanePhaseEncodingDirectionDICOM": "COL",
        "BidsGuess": [
                "func",
                "_acq-epfid2m5_dir-AP_run-48_echo-5_bold"
        ],
        "ConversionSoftware": "dcm2niix",
        "ConversionSoftwareVersion": "v1.0.20240202",
        "TaskName": "run-13",
        "TaskDescription": "In the experiments, subjects watch a movie which may containviews in a city or in the countryside as if they are sitting in a car.They are asked to make simple judgments based on pictures that theysee using a button.",
        "CogAtlasID": "http://www.cognitiveatlas.org/task/id/trm_4f241173868a3/"
}