{
        "Modality": "MR",
        "MagneticFieldStrength": 3,
        "ImagingFrequency": 123.241747,
        "Manufacturer": "Siemens",
        "ManufacturersModelName": "Prisma",
        "InstitutionName": "Tokyo University IRCN",
        "InstitutionalDepartmentName": "Reserch center",
        "InstitutionAddress": "Hongo 7-3-1,Bunkyo-ku,Tokyo,JP,113-0033",
        "DeviceSerialNumber": "166112",
        "StationName": "AWP166112",
        "BodyPartExamined": "BRAIN",
        "PatientPosition": "HFS",
        "ProcedureStepDescription": "Mingbo^Head",
        "SoftwareVersions": "syngo MR E11",
        "MRAcquisitionType": "2D",
        "SeriesDescription": "SpinEchoFieldMap_AP",
        "ProtocolName": "SpinEchoFieldMap_AP",
        "ScanningSequence": "EP",
        "SequenceVariant": "SK\\OSP",
        "ScanOptions": "PFP\\FS",
        "SequenceName": "epse2d1_70",
        "ImageType": [
                "ORIGINAL",
                "PRIMARY",
                "M",
                "ND",
                "MOSAIC"
        ],
        "NonlinearGradientCorrection": false,
        "SeriesNumber": 27,
        "AcquisitionTime": "18:48:57.257500",
        "AcquisitionNumber": 1,
        "ImageComments": "SENSE1",
        "SliceThickness": 2.8,
        "SpacingBetweenSlices": 2.8,
        "SAR": 0.0932869,
        "EchoTime": 0.066,
        "RepetitionTime": 8,
        "FlipAngle": 90,
        "PartialFourier": 0.75,
        "BaseResolution": 70,
        "ShimSetting": [
                6523,
                -2352,
                1553,
                376,
                3,
                153,
                -114,
                -10
        ],
        "TxRefAmp": 246.704,
        "PhaseResolution": 1,
        "PhaseOversampling": 0.03,
        "ReceiveCoilName": "Spine_32",
        "ReceiveCoilActiveElements": "HEA;HEP;SP1",
        "PulseSequenceDetails": "%CustomerSeq%\\cmrr_mbep2d_se",
        "WipMemBlock": "627060ee-7d67-44bb-bf71-6ecb8f319176||Sequence: R016 ve11c/master r/e634e98; Dec 19 2017 11:22:56 by eja",
        "CoilCombinationMethod": "Sum of Squares",
        "ConsistencyInfo": "N4_VE11C_LATEST_20160120",
        "MatrixCoilMode": "SENSE",
        "PercentPhaseFOV": 100,
        "PercentSampling": 100,
        "EchoTrainLength": 55,
        "PhaseEncodingSteps": 55,
        "AcquisitionMatrixPE": 70,
        "ReconMatrixPE": 70,
        "BandwidthPerPixelPhaseEncode": 27.956,
        "EffectiveEchoSpacing": 0.000511007,
        "DerivedVendorReportedEchoSpacing": 0.000496123,
        "TotalReadoutTime": 0.0352595,
        "PixelBandwidth": 2855,
        "DwellTime": 2.5e-06,
        "PhaseEncodingDirection": "j-",
        "SliceTiming": [
                0,
                4.08,
                0.1775,
                4.255,
                0.355,
                4.4325,
                0.5325,
                4.61,
                0.71,
                4.7875,
                0.8875,
                4.965,
                1.065,
                5.1425,
                1.2425,
                5.32,
                1.42,
                5.4975,
                1.5975,
                5.675,
                1.7725,
                5.8525,
                1.95,
                6.03,
                2.1275,
                6.2075,
                2.305,
                6.385,
                2.4825,
                6.5625,
                2.66,
                6.74,
                2.8375,
                6.915,
                3.015,
                7.0925,
                3.1925,
                7.27,
                3.37,
                7.4475,
                3.5475,
                7.625,
                3.725,
                7.8025,
                3.9025
        ],
        "ImageOrientationPatientDICOM": [
                0.999874,
                -0.0106929,
                -0.0117062,
                0.00174507,
                0.808074,
                -0.589078
        ],
        "ImageOrientationText": "Tra>Cor(-36.1)>Sag(-0.9)",
        "InPlanePhaseEncodingDirectionDICOM": "COL",
        "BidsGuess": [
                "fmap",
                "_acq-epse2_dir-AP_run-27_epi"
        ],
        "ConversionSoftware": "dcm2niix",
        "ConversionSoftwareVersion": "v1.0.20240202",
        "IntendedFor": [
                "func/sub-11_task-geo_run-00_echo-1_part-mag_sbref.nii.gz",
                "func/sub-11_task-geo_run-00_echo-1_part-mag_bold.nii.gz",
                "func/sub-11_task-geo_run-00_echo-1_part-phase_bold.nii.gz",
                "func/sub-11_task-geo_run-01_echo-1_part-mag_sbref.nii.gz",
                "func/sub-11_task-geo_run-01_echo-1_part-mag_bold.nii.gz",
                "func/sub-11_task-geo_run-01_echo-1_part-phase_bold.nii.gz",
                "func/sub-11_task-geo_run-02_echo-1_part-mag_sbref.nii.gz",
                "func/sub-11_task-geo_run-02_echo-1_part-mag_bold.nii.gz",
                "func/sub-11_task-geo_run-02_echo-1_part-phase_bold.nii.gz",
                "func/sub-11_task-geo_run-03_echo-1_part-mag_sbref.nii.gz",
                "func/sub-11_task-geo_run-03_echo-1_part-mag_bold.nii.gz",
                "func/sub-11_task-geo_run-03_echo-1_part-phase_bold.nii.gz",
                "func/sub-11_task-geo_run-04_echo-1_part-mag_sbref.nii.gz",
                "func/sub-11_task-geo_run-04_echo-1_part-mag_bold.nii.gz",
                "func/sub-11_task-geo_run-04_echo-1_part-phase_bold.nii.gz",
                "func/sub-11_task-geo_run-05_echo-1_part-mag_sbref.nii.gz",
                "func/sub-11_task-geo_run-05_echo-1_part-mag_bold.nii.gz",
                "func/sub-11_task-geo_run-05_echo-1_part-phase_bold.nii.gz",
                "func/sub-11_task-geo_run-06_echo-1_part-mag_sbref.nii.gz",
                "func/sub-11_task-geo_run-06_echo-1_part-mag_bold.nii.gz",
                "func/sub-11_task-geo_run-06_echo-1_part-phase_bold.nii.gz",
                "func/sub-11_task-geo_run-07_echo-1_part-mag_sbref.nii.gz",
                "func/sub-11_task-geo_run-07_echo-1_part-mag_bold.nii.gz",
                "func/sub-11_task-geo_run-07_echo-1_part-phase_bold.nii.gz",
                "func/sub-11_task-geo_run-08_echo-1_part-mag_sbref.nii.gz",
                "func/sub-11_task-geo_run-08_echo-1_part-mag_bold.nii.gz",
                "func/sub-11_task-geo_run-08_echo-1_part-phase_bold.nii.gz",
                "func/sub-11_task-geo_run-09_echo-1_part-mag_sbref.nii.gz",
                "func/sub-11_task-geo_run-09_echo-1_part-mag_bold.nii.gz",
                "func/sub-11_task-geo_run-09_echo-1_part-phase_bold.nii.gz",
                "func/sub-11_task-geo_run-10_echo-1_part-mag_sbref.nii.gz",
                "func/sub-11_task-geo_run-10_echo-1_part-mag_bold.nii.gz",
                "func/sub-11_task-geo_run-10_echo-1_part-phase_bold.nii.gz",
                "func/sub-11_task-geo_run-11_echo-1_part-mag_sbref.nii.gz",
                "func/sub-11_task-geo_run-11_echo-1_part-mag_bold.nii.gz",
                "func/sub-11_task-geo_run-11_echo-1_part-phase_bold.nii.gz",
                "func/sub-11_task-geo_run-12_echo-1_part-mag_sbref.nii.gz",
                "func/sub-11_task-geo_run-12_echo-1_part-mag_bold.nii.gz",
                "func/sub-11_task-geo_run-12_echo-1_part-phase_bold.nii.gz",
                "func/sub-11_task-geo_run-13_echo-1_part-mag_sbref.nii.gz",
                "func/sub-11_task-geo_run-13_echo-1_part-mag_bold.nii.gz",
                "func/sub-11_task-geo_run-13_echo-1_part-phase_bold.nii.gz",
                "func/sub-11_task-geo_run-00_echo-2_part-mag_sbref.nii.gz",
                "func/sub-11_task-geo_run-00_echo-2_part-mag_bold.nii.gz",
                "func/sub-11_task-geo_run-00_echo-2_part-phase_bold.nii.gz",
                "func/sub-11_task-geo_run-01_echo-2_part-mag_sbref.nii.gz",
                "func/sub-11_task-geo_run-01_echo-2_part-mag_bold.nii.gz",
                "func/sub-11_task-geo_run-01_echo-2_part-phase_bold.nii.gz",
                "func/sub-11_task-geo_run-02_echo-2_part-mag_sbref.nii.gz",
                "func/sub-11_task-geo_run-02_echo-2_part-mag_bold.nii.gz",
                "func/sub-11_task-geo_run-02_echo-2_part-phase_bold.nii.gz",
                "func/sub-11_task-geo_run-03_echo-2_part-mag_sbref.nii.gz",
                "func/sub-11_task-geo_run-03_echo-2_part-mag_bold.nii.gz",
                "func/sub-11_task-geo_run-03_echo-2_part-phase_bold.nii.gz",
                "func/sub-11_task-geo_run-04_echo-2_part-mag_sbref.nii.gz",
                "func/sub-11_task-geo_run-04_echo-2_part-mag_bold.nii.gz",
                "func/sub-11_task-geo_run-04_echo-2_part-phase_bold.nii.gz",
                "func/sub-11_task-geo_run-05_echo-2_part-mag_sbref.nii.gz",
                "func/sub-11_task-geo_run-05_echo-2_part-mag_bold.nii.gz",
                "func/sub-11_task-geo_run-05_echo-2_part-phase_bold.nii.gz",
                "func/sub-11_task-geo_run-06_echo-2_part-mag_sbref.nii.gz",
                "func/sub-11_task-geo_run-06_echo-2_part-mag_bold.nii.gz",
                "func/sub-11_task-geo_run-06_echo-2_part-phase_bold.nii.gz",
                "func/sub-11_task-geo_run-07_echo-2_part-mag_sbref.nii.gz",
                "func/sub-11_task-geo_run-07_echo-2_part-mag_bold.nii.gz",
                "func/sub-11_task-geo_run-07_echo-2_part-phase_bold.nii.gz",
                "func/sub-11_task-geo_run-08_echo-2_part-mag_sbref.nii.gz",
                "func/sub-11_task-geo_run-08_echo-2_part-mag_bold.nii.gz",
                "func/sub-11_task-geo_run-08_echo-2_part-phase_bold.nii.gz",
                "func/sub-11_task-geo_run-09_echo-2_part-mag_sbref.nii.gz",
                "func/sub-11_task-geo_run-09_echo-2_part-mag_bold.nii.gz",
                "func/sub-11_task-geo_run-09_echo-2_part-phase_bold.nii.gz",
                "func/sub-11_task-geo_run-10_echo-2_part-mag_sbref.nii.gz",
                "func/sub-11_task-geo_run-10_echo-2_part-mag_bold.nii.gz",
                "func/sub-11_task-geo_run-10_echo-2_part-phase_bold.nii.gz",
                "func/sub-11_task-geo_run-11_echo-2_part-mag_sbref.nii.gz",
                "func/sub-11_task-geo_run-11_echo-2_part-mag_bold.nii.gz",
                "func/sub-11_task-geo_run-11_echo-2_part-phase_bold.nii.gz",
                "func/sub-11_task-geo_run-12_echo-2_part-mag_sbref.nii.gz",
                "func/sub-11_task-geo_run-12_echo-2_part-mag_bold.nii.gz",
                "func/sub-11_task-geo_run-12_echo-2_part-phase_bold.nii.gz",
                "func/sub-11_task-geo_run-13_echo-2_part-mag_sbref.nii.gz",
                "func/sub-11_task-geo_run-13_echo-2_part-mag_bold.nii.gz",
                "func/sub-11_task-geo_run-13_echo-2_part-phase_bold.nii.gz",
                "func/sub-11_task-geo_run-00_echo-3_part-mag_sbref.nii.gz",
                "func/sub-11_task-geo_run-00_echo-3_part-mag_bold.nii.gz",
                "func/sub-11_task-geo_run-00_echo-3_part-phase_bold.nii.gz",
                "func/sub-11_task-geo_run-01_echo-3_part-mag_sbref.nii.gz",
                "func/sub-11_task-geo_run-01_echo-3_part-mag_bold.nii.gz",
                "func/sub-11_task-geo_run-01_echo-3_part-phase_bold.nii.gz",
                "func/sub-11_task-geo_run-02_echo-3_part-mag_sbref.nii.gz",
                "func/sub-11_task-geo_run-02_echo-3_part-mag_bold.nii.gz",
                "func/sub-11_task-geo_run-02_echo-3_part-phase_bold.nii.gz",
                "func/sub-11_task-geo_run-03_echo-3_part-mag_sbref.nii.gz",
                "func/sub-11_task-geo_run-03_echo-3_part-mag_bold.nii.gz",
                "func/sub-11_task-geo_run-03_echo-3_part-phase_bold.nii.gz",
                "func/sub-11_task-geo_run-04_echo-3_part-mag_sbref.nii.gz",
                "func/sub-11_task-geo_run-04_echo-3_part-mag_bold.nii.gz",
                "func/sub-11_task-geo_run-04_echo-3_part-phase_bold.nii.gz",
                "func/sub-11_task-geo_run-05_echo-3_part-mag_sbref.nii.gz",
                "func/sub-11_task-geo_run-05_echo-3_part-mag_bold.nii.gz",
                "func/sub-11_task-geo_run-05_echo-3_part-phase_bold.nii.gz",
                "func/sub-11_task-geo_run-06_echo-3_part-mag_sbref.nii.gz",
                "func/sub-11_task-geo_run-06_echo-3_part-mag_bold.nii.gz",
                "func/sub-11_task-geo_run-06_echo-3_part-phase_bold.nii.gz",
                "func/sub-11_task-geo_run-07_echo-3_part-mag_sbref.nii.gz",
                "func/sub-11_task-geo_run-07_echo-3_part-mag_bold.nii.gz",
                "func/sub-11_task-geo_run-07_echo-3_part-phase_bold.nii.gz",
                "func/sub-11_task-geo_run-08_echo-3_part-mag_sbref.nii.gz",
                "func/sub-11_task-geo_run-08_echo-3_part-mag_bold.nii.gz",
                "func/sub-11_task-geo_run-08_echo-3_part-phase_bold.nii.gz",
                "func/sub-11_task-geo_run-09_echo-3_part-mag_sbref.nii.gz",
                "func/sub-11_task-geo_run-09_echo-3_part-mag_bold.nii.gz",
                "func/sub-11_task-geo_run-09_echo-3_part-phase_bold.nii.gz",
                "func/sub-11_task-geo_run-10_echo-3_part-mag_sbref.nii.gz",
                "func/sub-11_task-geo_run-10_echo-3_part-mag_bold.nii.gz",
                "func/sub-11_task-geo_run-10_echo-3_part-phase_bold.nii.gz",
                "func/sub-11_task-geo_run-11_echo-3_part-mag_sbref.nii.gz",
                "func/sub-11_task-geo_run-11_echo-3_part-mag_bold.nii.gz",
                "func/sub-11_task-geo_run-11_echo-3_part-phase_bold.nii.gz",
                "func/sub-11_task-geo_run-12_echo-3_part-mag_sbref.nii.gz",
                "func/sub-11_task-geo_run-12_echo-3_part-mag_bold.nii.gz",
                "func/sub-11_task-geo_run-12_echo-3_part-phase_bold.nii.gz",
                "func/sub-11_task-geo_run-13_echo-3_part-mag_sbref.nii.gz",
                "func/sub-11_task-geo_run-13_echo-3_part-mag_bold.nii.gz",
                "func/sub-11_task-geo_run-13_echo-3_part-phase_bold.nii.gz",
                "func/sub-11_task-geo_run-00_echo-4_part-mag_sbref.nii.gz",
                "func/sub-11_task-geo_run-00_echo-4_part-mag_bold.nii.gz",
                "func/sub-11_task-geo_run-00_echo-4_part-phase_bold.nii.gz",
                "func/sub-11_task-geo_run-01_echo-4_part-mag_sbref.nii.gz",
                "func/sub-11_task-geo_run-01_echo-4_part-mag_bold.nii.gz",
                "func/sub-11_task-geo_run-01_echo-4_part-phase_bold.nii.gz",
                "func/sub-11_task-geo_run-02_echo-4_part-mag_sbref.nii.gz",
                "func/sub-11_task-geo_run-02_echo-4_part-mag_bold.nii.gz",
                "func/sub-11_task-geo_run-02_echo-4_part-phase_bold.nii.gz",
                "func/sub-11_task-geo_run-03_echo-4_part-mag_sbref.nii.gz",
                "func/sub-11_task-geo_run-03_echo-4_part-mag_bold.nii.gz",
                "func/sub-11_task-geo_run-03_echo-4_part-phase_bold.nii.gz",
                "func/sub-11_task-geo_run-04_echo-4_part-mag_sbref.nii.gz",
                "func/sub-11_task-geo_run-04_echo-4_part-mag_bold.nii.gz",
                "func/sub-11_task-geo_run-04_echo-4_part-phase_bold.nii.gz",
                "func/sub-11_task-geo_run-05_echo-4_part-mag_sbref.nii.gz",
                "func/sub-11_task-geo_run-05_echo-4_part-mag_bold.nii.gz",
                "func/sub-11_task-geo_run-05_echo-4_part-phase_bold.nii.gz",
                "func/sub-11_task-geo_run-06_echo-4_part-mag_sbref.nii.gz",
                "func/sub-11_task-geo_run-06_echo-4_part-mag_bold.nii.gz",
                "func/sub-11_task-geo_run-06_echo-4_part-phase_bold.nii.gz",
                "func/sub-11_task-geo_run-07_echo-4_part-mag_sbref.nii.gz",
                "func/sub-11_task-geo_run-07_echo-4_part-mag_bold.nii.gz",
                "func/sub-11_task-geo_run-07_echo-4_part-phase_bold.nii.gz",
                "func/sub-11_task-geo_run-08_echo-4_part-mag_sbref.nii.gz",
                "func/sub-11_task-geo_run-08_echo-4_part-mag_bold.nii.gz",
                "func/sub-11_task-geo_run-08_echo-4_part-phase_bold.nii.gz",
                "func/sub-11_task-geo_run-09_echo-4_part-mag_sbref.nii.gz",
                "func/sub-11_task-geo_run-09_echo-4_part-mag_bold.nii.gz",
                "func/sub-11_task-geo_run-09_echo-4_part-phase_bold.nii.gz",
                "func/sub-11_task-geo_run-10_echo-4_part-mag_sbref.nii.gz",
                "func/sub-11_task-geo_run-10_echo-4_part-mag_bold.nii.gz",
                "func/sub-11_task-geo_run-10_echo-4_part-phase_bold.nii.gz",
                "func/sub-11_task-geo_run-11_echo-4_part-mag_sbref.nii.gz",
                "func/sub-11_task-geo_run-11_echo-4_part-mag_bold.nii.gz",
                "func/sub-11_task-geo_run-11_echo-4_part-phase_bold.nii.gz",
                "func/sub-11_task-geo_run-12_echo-4_part-mag_sbref.nii.gz",
                "func/sub-11_task-geo_run-12_echo-4_part-mag_bold.nii.gz",
                "func/sub-11_task-geo_run-12_echo-4_part-phase_bold.nii.gz",
                "func/sub-11_task-geo_run-13_echo-4_part-mag_sbref.nii.gz",
                "func/sub-11_task-geo_run-13_echo-4_part-mag_bold.nii.gz",
                "func/sub-11_task-geo_run-13_echo-4_part-phase_bold.nii.gz",
                "func/sub-11_task-geo_run-00_echo-5_part-mag_sbref.nii.gz",
                "func/sub-11_task-geo_run-00_echo-5_part-mag_bold.nii.gz",
                "func/sub-11_task-geo_run-00_echo-5_part-phase_bold.nii.gz",
                "func/sub-11_task-geo_run-01_echo-5_part-mag_sbref.nii.gz",
                "func/sub-11_task-geo_run-01_echo-5_part-mag_bold.nii.gz",
                "func/sub-11_task-geo_run-01_echo-5_part-phase_bold.nii.gz",
                "func/sub-11_task-geo_run-02_echo-5_part-mag_sbref.nii.gz",
                "func/sub-11_task-geo_run-02_echo-5_part-mag_bold.nii.gz",
                "func/sub-11_task-geo_run-02_echo-5_part-phase_bold.nii.gz",
                "func/sub-11_task-geo_run-03_echo-5_part-mag_sbref.nii.gz",
                "func/sub-11_task-geo_run-03_echo-5_part-mag_bold.nii.gz",
                "func/sub-11_task-geo_run-03_echo-5_part-phase_bold.nii.gz",
                "func/sub-11_task-geo_run-04_echo-5_part-mag_sbref.nii.gz",
                "func/sub-11_task-geo_run-04_echo-5_part-mag_bold.nii.gz",
                "func/sub-11_task-geo_run-04_echo-5_part-phase_bold.nii.gz",
                "func/sub-11_task-geo_run-05_echo-5_part-mag_sbref.nii.gz",
                "func/sub-11_task-geo_run-05_echo-5_part-mag_bold.nii.gz",
                "func/sub-11_task-geo_run-05_echo-5_part-phase_bold.nii.gz",
                "func/sub-11_task-geo_run-06_echo-5_part-mag_sbref.nii.gz",
                "func/sub-11_task-geo_run-06_echo-5_part-mag_bold.nii.gz",
                "func/sub-11_task-geo_run-06_echo-5_part-phase_bold.nii.gz",
                "func/sub-11_task-geo_run-07_echo-5_part-mag_sbref.nii.gz",
                "func/sub-11_task-geo_run-07_echo-5_part-mag_bold.nii.gz",
                "func/sub-11_task-geo_run-07_echo-5_part-phase_bold.nii.gz",
                "func/sub-11_task-geo_run-08_echo-5_part-mag_sbref.nii.gz",
                "func/sub-11_task-geo_run-08_echo-5_part-mag_bold.nii.gz",
                "func/sub-11_task-geo_run-08_echo-5_part-phase_bold.nii.gz",
                "func/sub-11_task-geo_run-09_echo-5_part-mag_sbref.nii.gz",
                "func/sub-11_task-geo_run-09_echo-5_part-mag_bold.nii.gz",
                "func/sub-11_task-geo_run-09_echo-5_part-phase_bold.nii.gz",
                "func/sub-11_task-geo_run-10_echo-5_part-mag_sbref.nii.gz",
                "func/sub-11_task-geo_run-10_echo-5_part-mag_bold.nii.gz",
                "func/sub-11_task-geo_run-10_echo-5_part-phase_bold.nii.gz",
                "func/sub-11_task-geo_run-11_echo-5_part-mag_sbref.nii.gz",
                "func/sub-11_task-geo_run-11_echo-5_part-mag_bold.nii.gz",
                "func/sub-11_task-geo_run-11_echo-5_part-phase_bold.nii.gz",
                "func/sub-11_task-geo_run-12_echo-5_part-mag_sbref.nii.gz",
                "func/sub-11_task-geo_run-12_echo-5_part-mag_bold.nii.gz",
                "func/sub-11_task-geo_run-12_echo-5_part-phase_bold.nii.gz",
                "func/sub-11_task-geo_run-13_echo-5_part-mag_sbref.nii.gz",
                "func/sub-11_task-geo_run-13_echo-5_part-mag_bold.nii.gz",
                "func/sub-11_task-geo_run-13_echo-5_part-phase_bold.nii.gz"
        ]
}